{
  "aor": 0.007435954545454545,
  "aqi": 0.003113387372727273,
  "bids_meta": {
    "AcquisitionMatrixPE": 70,
    "AcquisitionNumber": 1,
    "AcquisitionTime": "14:50:10.000000",
    "BodyPartExamined": "HEAD",
    "CoilString": "RM:Nova32ch2",
    "ConversionSoftware": "dcm2niix",
    "ConversionSoftwareVersion": "v1.0.20201102",
    "DeviceSerialNumber": "00000650723PSYMR",
    "EchoTime": 0.025,
    "EffectiveEchoSpacing": 0.000452,
    "FlipAngle": 77,
    "ImageOrientationPatientDICOM": [
      1,
      0,
      0,
      0,
      1,
      0
    ],
    "ImageType": [
      "ORIGINAL",
      "PRIMARY",
      "OTHER"
    ],
    "ImagingFrequency": 127.8,
    "InPlanePhaseEncodingDirectionDICOM": "COL",
    "InstitutionName": "cni",
    "InternalPulseSequenceName": "EPI",
    "MRAcquisitionType": "2D",
    "MagneticFieldStrength": 3,
    "Manufacturer": "GE",
    "ManufacturersModelName": "SIGNA UHP",
    "PatientPosition": "HFS",
    "PercentPhaseFOV": 100,
    "PercentSampling": 100,
    "PhaseEncodingDirection": "j",
    "PhaseEncodingPolarityGE": "Flipped",
    "PixelBandwidth": 7142.86,
    "ProtocolName": "BOLD EPI 3.4mm 2sec CUE",
    "PulseSequenceName": "epi",
    "ReconMatrixPE": 70,
    "RepetitionTime": 2,
    "SAR": 0.179361,
    "ScanOptions": "MP_GEMS\\EPI_GEMS\\ACC_GEMS",
    "ScanningSequence": "EP\\RM",
    "SequenceVariant": "NONE",
    "SeriesDescription": "BOLD EPI 3.4mm 2sec CUE",
    "SeriesNumber": 7,
    "SliceThickness": 3.4,
    "SliceTiming": [
      0,
      1.02439,
      0.0487805,
      1.07317,
      0.097561,
      1.12195,
      0.146341,
      1.17073,
      0.195122,
      1.21951,
      0.243902,
      1.26829,
      0.292683,
      1.31707,
      0.341463,
      1.36585,
      0.390244,
      1.41463,
      0.439024,
      1.46341,
      0.487805,
      1.5122,
      0.536585,
      1.56098,
      0.585366,
      1.60976,
      0.634146,
      1.65854,
      0.682927,
      1.70732,
      0.731707,
      1.7561,
      0.780488,
      1.80488,
      0.829268,
      1.85366,
      0.878049,
      1.90244,
      0.926829,
      1.95122,
      0.97561
    ],
    "SoftwareVersions": "28\\LX\\MR Software release:RX28.0_R04_UHP3T_2035.a",
    "SpacingBetweenSlices": 3.4,
    "StationName": "CNIMRI",
    "TaskName": "MID",
    "TotalReadoutTime": 0.031188,
    "TriggerDelayTime": 882976,
    "dataset": "ds003858",
    "modality": "bold",
    "run_id": 1,
    "subject_id": "04",
    "task_id": "MID"
  },
  "dummy_trs": 2,
  "dvars_nstd": 13.301812206697047,
  "dvars_std": 1.2160978240091123,
  "dvars_vstd": 0.9318019581093392,
  "efc": 0.40199558291128146,
  "fber": 189617.765625,
  "fd_mean": 0.1217658215925788,
  "fd_num": 50,
  "fd_perc": 11.363636363636363,
  "fwhm_avg": 2.9835916471775423,
  "fwhm_x": 3.2094410864481904,
  "fwhm_y": 2.7038352182771117,
  "fwhm_z": 3.0374986368073245,
  "gcor": 0.141987,
  "gsr_x": 0.01776936650276184,
  "gsr_y": -0.006443861406296492,
  "provenance": {
    "md5sum": "0672e08e075ab26afdd152d49c43cf25",
    "settings": {
      "fd_thres": 0.2,
      "testing": false
    },
    "software": "mriqc",
    "version": "22.0.6",
    "webapi_port": null,
    "webapi_url": "https://mriqc.nimh.nih.gov/api/v1"
  },
  "size_t": 440,
  "size_x": 70,
  "size_y": 70,
  "size_z": 41,
  "snr": 3.7906679692367122,
  "spacing_tr": 2.0,
  "spacing_x": 3.4000000953674316,
  "spacing_y": 3.4000000953674316,
  "spacing_z": 3.4000015258789062,
  "summary_bg_k": 46.85588897304643,
  "summary_bg_mad": 7.90833470746397,
  "summary_bg_mean": 67.04793548583984,
  "summary_bg_median": 5.343181610107422,
  "summary_bg_n": 139996.0,
  "summary_bg_p05": 0.0,
  "summary_bg_p95": 376.3613510131836,
  "summary_bg_stdv": 187.0995635986328,
  "summary_fg_k": -0.24886599975885293,
  "summary_fg_mad": 602.8193295245378,
  "summary_fg_mean": 2208.02880859375,
  "summary_fg_median": 2156.67724609375,
  "summary_fg_n": 24909.0,
  "summary_fg_p05": 1368.8935791015624,
  "summary_fg_p95": 3197.636767578125,
  "summary_fg_stdv": 568.9324340820312,
  "tsnr": 66.17169113829732
}