{
  "aor": 0.0015262186788154897,
  "aqi": 0.003762236037015945,
  "bids_meta": {
    "AcquisitionMatrixPE": 70,
    "AcquisitionNumber": 1,
    "AcquisitionTime": "14:34:9.000000",
    "BodyPartExamined": "HEAD",
    "CoilString": "RM:Nova32ch2",
    "ConversionSoftware": "dcm2niix",
    "ConversionSoftwareVersion": "v1.0.20201102",
    "DeviceSerialNumber": "00000650723PSYMR",
    "EchoTime": 0.025,
    "EffectiveEchoSpacing": 0.000456,
    "FlipAngle": 42,
    "ImageOrientationPatientDICOM": [
      1,
      0,
      0,
      0,
      1,
      0
    ],
    "ImageType": [
      "ORIGINAL",
      "PRIMARY",
      "OTHER"
    ],
    "ImagingFrequency": 127.8,
    "InPlanePhaseEncodingDirectionDICOM": "COL",
    "InstitutionName": "cni",
    "InternalPulseSequenceName": "EPI",
    "MRAcquisitionType": "2D",
    "MagneticFieldStrength": 3,
    "Manufacturer": "GE",
    "ManufacturersModelName": "SIGNA UHP",
    "MultibandAccelerationFactor": 8,
    "PatientPosition": "HFS",
    "PercentPhaseFOV": 100,
    "PercentSampling": 100,
    "PhaseEncodingDirection": "j",
    "PhaseEncodingPolarityGE": "Flipped",
    "PixelBandwidth": 7142.86,
    "ProtocolName": "BOLD EPI multiband 8 3.4mm .5sec CUE",
    "PulseSequenceName": "epi",
    "ReconMatrixPE": 70,
    "RepetitionTime": 0.5,
    "SAR": 0.0785455,
    "ScanOptions": "EDR_GEMS\\MP_GEMS\\EPI_GEMS\\HYPERBAND_GEMS",
    "ScanningSequence": "EP\\RM",
    "SequenceVariant": "NONE",
    "SeriesDescription": "BOLD EPI multiband 8 3.4mm .5sec CUE",
    "SeriesNumber": 6,
    "SliceThickness": 3.4,
    "SliceTiming": [
      0,
      0.25,
      0.0833333,
      0.416667,
      0.166667,
      0.333333,
      0,
      0.25,
      0.0833333,
      0.416667,
      0.166667,
      0.333333,
      0,
      0.25,
      0.0833333,
      0.416667,
      0.166667,
      0.333333,
      0,
      0.25,
      0.0833333,
      0.416667,
      0.166667,
      0.333333,
      0,
      0.25,
      0.0833333,
      0.416667,
      0.166667,
      0.333333,
      0,
      0.25,
      0.0833333,
      0.416667,
      0.166667,
      0.333333,
      0,
      0.25,
      0.0833333,
      0.416667,
      0.166667
    ],
    "SoftwareVersions": "28\\LX\\MR Software release:RX28.0_R04_UHP3T_2035.a",
    "SpacingBetweenSlices": 3.4,
    "StationName": "CNIMRI",
    "TaskName": "MID",
    "TotalReadoutTime": 0.031464,
    "TriggerDelayTime": 883667,
    "dataset": "ds003858",
    "modality": "bold",
    "run_id": 8,
    "subject_id": "02",
    "task_id": "MID"
  },
  "dummy_trs": 12,
  "dvars_nstd": 15.695664546541323,
  "dvars_std": 1.0928595189002837,
  "dvars_vstd": 0.951824032193731,
  "efc": 0.4420220927270229,
  "fber": 21467.90234375,
  "fd_mean": 0.10306031161674963,
  "fd_num": 121,
  "fd_perc": 6.890660592255125,
  "fwhm_avg": 2.653869199623788,
  "fwhm_x": 2.9357763882419254,
  "fwhm_y": 2.2595028777991217,
  "fwhm_z": 2.7663283328303163,
  "gcor": 0.0337892,
  "gsr_x": 0.02206602320075035,
  "gsr_y": 0.011362220160663128,
  "provenance": {
    "md5sum": "ffdb28b0a34f791a700b9cac541ddac8",
    "settings": {
      "fd_thres": 0.2,
      "testing": false
    },
    "software": "mriqc",
    "version": "22.0.6",
    "webapi_port": null,
    "webapi_url": "https://mriqc.nimh.nih.gov/api/v1"
  },
  "size_t": 1756,
  "size_x": 70,
  "size_y": 70,
  "size_z": 41,
  "snr": 3.5058947698026044,
  "spacing_tr": 0.5,
  "spacing_x": 3.4000000953674316,
  "spacing_y": 3.4000000953674316,
  "spacing_z": 3.3999977111816406,
  "summary_bg_k": 35.981765787037304,
  "summary_bg_mad": 8.631346071417626,
  "summary_bg_mean": 36.488487243652344,
  "summary_bg_median": 5.821754455566406,
  "summary_bg_n": 135383.0,
  "summary_bg_p05": 0.0,
  "summary_bg_p95": 194.31030883789032,
  "summary_bg_stdv": 91.36312866210938,
  "summary_fg_k": 0.42560169459438857,
  "summary_fg_mad": 218.1400676634752,
  "summary_fg_mean": 826.4684448242188,
  "summary_fg_median": 795.6361083984375,
  "summary_fg_n": 27757.0,
  "summary_fg_p05": 510.6815612792969,
  "summary_fg_p95": 1237.3955810546872,
  "summary_fg_stdv": 226.93829345703125,
  "tsnr": 62.51351049612276
}