{
  "aor": 0.003803477272727273,
  "aqi": 0.0022771974363636365,
  "bids_meta": {
    "AcquisitionMatrixPE": 70,
    "AcquisitionNumber": 1,
    "AcquisitionTime": "14:50:10.000000",
    "BodyPartExamined": "HEAD",
    "CoilString": "RM:Nova32ch2",
    "ConversionSoftware": "dcm2niix",
    "ConversionSoftwareVersion": "v1.0.20201102",
    "DeviceSerialNumber": "00000650723PSYMR",
    "EchoTime": 0.025,
    "EffectiveEchoSpacing": 0.000452,
    "FlipAngle": 77,
    "ImageOrientationPatientDICOM": [
      1,
      0,
      0,
      0,
      1,
      0
    ],
    "ImageType": [
      "ORIGINAL",
      "PRIMARY",
      "OTHER"
    ],
    "ImagingFrequency": 127.8,
    "InPlanePhaseEncodingDirectionDICOM": "COL",
    "InstitutionName": "cni",
    "InternalPulseSequenceName": "EPI",
    "MRAcquisitionType": "2D",
    "MagneticFieldStrength": 3,
    "Manufacturer": "GE",
    "ManufacturersModelName": "SIGNA UHP",
    "PatientPosition": "HFS",
    "PercentPhaseFOV": 100,
    "PercentSampling": 100,
    "PhaseEncodingDirection": "j",
    "PhaseEncodingPolarityGE": "Flipped",
    "PixelBandwidth": 7142.86,
    "ProtocolName": "BOLD EPI 3.4mm 2sec CUE",
    "PulseSequenceName": "epi",
    "ReconMatrixPE": 70,
    "RepetitionTime": 2,
    "SAR": 0.179361,
    "ScanOptions": "MP_GEMS\\EPI_GEMS\\ACC_GEMS",
    "ScanningSequence": "EP\\RM",
    "SequenceVariant": "NONE",
    "SeriesDescription": "BOLD EPI 3.4mm 2sec CUE",
    "SeriesNumber": 7,
    "SliceThickness": 3.4,
    "SliceTiming": [
      0,
      1.02439,
      0.0487805,
      1.07317,
      0.097561,
      1.12195,
      0.146341,
      1.17073,
      0.195122,
      1.21951,
      0.243902,
      1.26829,
      0.292683,
      1.31707,
      0.341463,
      1.36585,
      0.390244,
      1.41463,
      0.439024,
      1.46341,
      0.487805,
      1.5122,
      0.536585,
      1.56098,
      0.585366,
      1.60976,
      0.634146,
      1.65854,
      0.682927,
      1.70732,
      0.731707,
      1.7561,
      0.780488,
      1.80488,
      0.829268,
      1.85366,
      0.878049,
      1.90244,
      0.926829,
      1.95122,
      0.97561
    ],
    "SoftwareVersions": "28\\LX\\MR Software release:RX28.0_R04_UHP3T_2035.a",
    "SpacingBetweenSlices": 3.4,
    "StationName": "CNIMRI",
    "TaskName": "MID",
    "TotalReadoutTime": 0.031188,
    "TriggerDelayTime": 882976,
    "dataset": "ds003858",
    "modality": "bold",
    "run_id": 1,
    "subject_id": "02",
    "task_id": "MID"
  },
  "dummy_trs": 2,
  "dvars_nstd": 12.75551091683373,
  "dvars_std": 1.211194596833714,
  "dvars_vstd": 0.9624990769931665,
  "efc": 0.4296686182769251,
  "fber": 140189.171875,
  "fd_mean": 0.08437873589472138,
  "fd_num": 17,
  "fd_perc": 3.8636363636363638,
  "fwhm_avg": 2.8486730280318038,
  "fwhm_x": 3.1224999124162363,
  "fwhm_y": 2.4182558145226927,
  "fwhm_z": 3.005263357156481,
  "gcor": 0.147369,
  "gsr_x": 0.01673850603401661,
  "gsr_y": 0.021594161167740822,
  "provenance": {
    "md5sum": "5a6cd11c42c701ddae531d3cd18d4def",
    "settings": {
      "fd_thres": 0.2,
      "testing": false
    },
    "software": "mriqc",
    "version": "22.0.6",
    "webapi_port": null,
    "webapi_url": "https://mriqc.nimh.nih.gov/api/v1"
  },
  "size_t": 440,
  "size_x": 70,
  "size_y": 70,
  "size_z": 41,
  "snr": 3.5776749848290366,
  "spacing_tr": 2.0,
  "spacing_x": 3.4000000953674316,
  "spacing_y": 3.4000000953674316,
  "spacing_z": 3.4000015258789062,
  "summary_bg_k": 38.76861752683648,
  "summary_bg_mad": 8.605831531509379,
  "summary_bg_mean": 81.40480041503906,
  "summary_bg_median": 5.809090614318848,
  "summary_bg_n": 135964.0,
  "summary_bg_p05": 0.0,
  "summary_bg_p95": 469.93168182372995,
  "summary_bg_stdv": 236.64111328125,
  "summary_fg_k": 0.05346860821893218,
  "summary_fg_mad": 585.0079234411226,
  "summary_fg_mean": 2074.1689453125,
  "summary_fg_median": 2017.58056640625,
  "summary_fg_n": 27450.0,
  "summary_fg_p05": 1271.7717834472655,
  "summary_fg_p95": 3073.5475341796873,
  "summary_fg_stdv": 563.9259643554688,
  "tsnr": 85.34424177184701
}