{
  "aor": 0.00031139283683911316,
  "aqi": 0.00203414622001137,
  "bids_meta": {
    "AcquisitionMatrixPE": 70,
    "AcquisitionNumber": 4,
    "AcquisitionTime": "14:17:58.000000",
    "BodyPartExamined": "HEAD",
    "CoilString": "RM:Nova32ch2",
    "ConversionSoftware": "dcm2niix",
    "ConversionSoftwareVersion": "v1.0.20201102",
    "DeviceSerialNumber": "00000650723PSYMR",
    "EchoTime": 0.025,
    "EffectiveEchoSpacing": 0.000448,
    "FlipAngle": 42,
    "ImageOrientationPatientDICOM": [
      1,
      0,
      0,
      0,
      1,
      0
    ],
    "ImageType": [
      "ORIGINAL",
      "PRIMARY",
      "OTHER"
    ],
    "ImagingFrequency": 127.8,
    "InPlanePhaseEncodingDirectionDICOM": "COL",
    "InstitutionName": "cni",
    "InternalPulseSequenceName": "EPI",
    "MRAcquisitionType": "2D",
    "MagneticFieldStrength": 3,
    "Manufacturer": "GE",
    "ManufacturersModelName": "SIGNA UHP",
    "MultibandAccelerationFactor": 4,
    "PatientPosition": "HFS",
    "PercentPhaseFOV": 100,
    "PercentSampling": 100,
    "PhaseEncodingDirection": "j",
    "PhaseEncodingPolarityGE": "Flipped",
    "PixelBandwidth": 7142.86,
    "ProtocolName": "BOLD EPI multiband 4 3.4mm 1sec CUE",
    "PulseSequenceName": "epi",
    "ReconMatrixPE": 70,
    "RepetitionTime": 0.5,
    "SAR": 0.103984,
    "ScanOptions": "EDR_GEMS\\MP_GEMS\\EPI_GEMS\\HYPERBAND_GEMS",
    "ScanningSequence": "EP\\RM",
    "SequenceVariant": "NONE",
    "SeriesDescription": "BOLD EPI multiband 4 3.4mm 1sec CUE",
    "SeriesNumber": 5,
    "SliceThickness": 3.4,
    "SliceTiming": [
      0,
      0.25,
      0.0625,
      0.3125,
      0.125,
      0.4375,
      0.1875,
      0.375,
      0,
      0.25,
      0.0625,
      0.3125,
      0.125,
      0.4375,
      0.1875,
      0.375,
      0,
      0.25,
      0.0625,
      0.3125,
      0.125,
      0.4375,
      0.1875,
      0.375,
      0,
      0.25,
      0.0625,
      0.3125,
      0.125,
      0.4375,
      0.1875,
      0.375
    ],
    "SoftwareVersions": "28\\LX\\MR Software release:RX28.0_R04_UHP3T_2035.a",
    "SpacingBetweenSlices": 3.4,
    "StationName": "CNIMRI",
    "TaskName": "MID",
    "TotalReadoutTime": 0.030912,
    "TriggerDelayTime": 883875,
    "dataset": "ds003858",
    "modality": "bold",
    "run_id": 4,
    "subject_id": "02",
    "task_id": "MID"
  },
  "dummy_trs": 9,
  "dvars_nstd": 14.61254538164391,
  "dvars_std": 1.16122398258248,
  "dvars_vstd": 0.9714309465130841,
  "efc": 0.4564681748290032,
  "fber": 111479.15625,
  "fd_mean": 0.10283798895000083,
  "fd_num": 118,
  "fd_perc": 6.708357021034679,
  "fwhm_avg": 2.6499730603641547,
  "fwhm_x": 2.959764622863191,
  "fwhm_y": 2.175691115444096,
  "fwhm_z": 2.8144634427851765,
  "gcor": 0.0308352,
  "gsr_x": 0.0238081943243742,
  "gsr_y": 0.025254640728235245,
  "provenance": {
    "md5sum": "82257eebc1113fb38ee928d3bf13925b",
    "settings": {
      "fd_thres": 0.2,
      "testing": false
    },
    "software": "mriqc",
    "version": "22.0.6",
    "webapi_port": null,
    "webapi_url": "https://mriqc.nimh.nih.gov/api/v1"
  },
  "size_t": 1759,
  "size_x": 70,
  "size_y": 70,
  "size_z": 32,
  "snr": 3.6011609308148906,
  "spacing_tr": 0.5,
  "spacing_x": 3.4000000953674316,
  "spacing_y": 3.4000000953674316,
  "spacing_z": 3.4000015258789062,
  "summary_bg_k": 45.14012916955142,
  "summary_bg_mad": 3.6917555363997216,
  "summary_bg_mean": 30.958900451660156,
  "summary_bg_median": 2.49005126953125,
  "summary_bg_n": 99239.0,
  "summary_bg_p05": 0.0,
  "summary_bg_p95": 177.68880615234366,
  "summary_bg_stdv": 92.46562194824219,
  "summary_fg_k": 0.3681435974883258,
  "summary_fg_mad": 219.43689215037728,
  "summary_fg_mean": 821.27099609375,
  "summary_fg_median": 794.3956909179688,
  "summary_fg_n": 25349.0,
  "summary_fg_p05": 514.9500854492188,
  "summary_fg_p95": 1216.4864257812499,
  "summary_fg_stdv": 220.58998107910156,
  "tsnr": 82.3898259929847
}