{
  "aor": 0.000871753986332574,
  "aqi": 0.0013760507858769932,
  "bids_meta": {
    "AcquisitionMatrixPE": 70,
    "AcquisitionNumber": 1,
    "AcquisitionTime": "14:50:10.000000",
    "BodyPartExamined": "HEAD",
    "CoilString": "RM:Nova32ch2",
    "ConversionSoftware": "dcm2niix",
    "ConversionSoftwareVersion": "v1.0.20201102",
    "DeviceSerialNumber": "00000650723PSYMR",
    "EchoTime": 0.025,
    "EffectiveEchoSpacing": 0.000452,
    "FlipAngle": 77,
    "ImageOrientationPatientDICOM": [
      1,
      0,
      0,
      0,
      1,
      0
    ],
    "ImageType": [
      "ORIGINAL",
      "PRIMARY",
      "OTHER"
    ],
    "ImagingFrequency": 127.8,
    "InPlanePhaseEncodingDirectionDICOM": "COL",
    "InstitutionName": "cni",
    "InternalPulseSequenceName": "EPI",
    "MRAcquisitionType": "2D",
    "MagneticFieldStrength": 3,
    "Manufacturer": "GE",
    "ManufacturersModelName": "SIGNA UHP",
    "PatientPosition": "HFS",
    "PercentPhaseFOV": 100,
    "PercentSampling": 100,
    "PhaseEncodingDirection": "j",
    "PhaseEncodingPolarityGE": "Flipped",
    "PixelBandwidth": 7142.86,
    "ProtocolName": "BOLD EPI 3.4mm 2sec CUE",
    "PulseSequenceName": "epi",
    "ReconMatrixPE": 70,
    "RepetitionTime": 2,
    "SAR": 0.179361,
    "ScanOptions": "MP_GEMS\\EPI_GEMS\\ACC_GEMS",
    "ScanningSequence": "EP\\RM",
    "SequenceVariant": "NONE",
    "SeriesDescription": "BOLD EPI 3.4mm 2sec CUE",
    "SeriesNumber": 7,
    "SliceThickness": 3.4,
    "SliceTiming": [
      0,
      1.02439,
      0.0487805,
      1.07317,
      0.097561,
      1.12195,
      0.146341,
      1.17073,
      0.195122,
      1.21951,
      0.243902,
      1.26829,
      0.292683,
      1.31707,
      0.341463,
      1.36585,
      0.390244,
      1.41463,
      0.439024,
      1.46341,
      0.487805,
      1.5122,
      0.536585,
      1.56098,
      0.585366,
      1.60976,
      0.634146,
      1.65854,
      0.682927,
      1.70732,
      0.731707,
      1.7561,
      0.780488,
      1.80488,
      0.829268,
      1.85366,
      0.878049,
      1.90244,
      0.926829,
      1.95122,
      0.97561
    ],
    "SoftwareVersions": "28\\LX\\MR Software release:RX28.0_R04_UHP3T_2035.a",
    "SpacingBetweenSlices": 3.4,
    "StationName": "CNIMRI",
    "TaskName": "MID",
    "TotalReadoutTime": 0.031188,
    "TriggerDelayTime": 882976,
    "dataset": "ds003858",
    "modality": "bold",
    "run_id": 1,
    "subject_id": "09",
    "task_id": "MID"
  },
  "dummy_trs": 3,
  "dvars_nstd": 10.319308442990861,
  "dvars_std": 1.2114479467579917,
  "dvars_vstd": 0.9517716328538821,
  "efc": 0.4158760396419356,
  "fber": 183179.515625,
  "fd_mean": 0.07585048223415125,
  "fd_num": 1,
  "fd_perc": 0.22779043280182232,
  "fwhm_avg": 3.0313347714404792,
  "fwhm_x": 3.325529318486121,
  "fwhm_y": 2.647888161022855,
  "fwhm_z": 3.1205868348124626,
  "gcor": 0.122245,
  "gsr_x": 0.01304407138377428,
  "gsr_y": 0.004522891249507666,
  "provenance": {
    "md5sum": "a33a1ef127317a13b35ec850c599b483",
    "settings": {
      "fd_thres": 0.2,
      "testing": false
    },
    "software": "mriqc",
    "version": "22.0.6",
    "webapi_port": null,
    "webapi_url": "https://mriqc.nimh.nih.gov/api/v1"
  },
  "size_t": 439,
  "size_x": 70,
  "size_y": 70,
  "size_z": 41,
  "snr": 3.5530841899416292,
  "spacing_tr": 2.0,
  "spacing_x": 3.4000000953674316,
  "spacing_y": 3.4000000953674316,
  "spacing_z": 3.4000015258789062,
  "summary_bg_k": 54.177708262389174,
  "summary_bg_mad": 7.990517386048167,
  "summary_bg_mean": 68.60896301269531,
  "summary_bg_median": 5.389522075653076,
  "summary_bg_n": 137416.0,
  "summary_bg_p05": 0.0,
  "summary_bg_p95": 391.5637893676758,
  "summary_bg_stdv": 188.93896484375,
  "summary_fg_k": -0.04419878869122584,
  "summary_fg_mad": 614.222987457648,
  "summary_fg_mean": 2162.3349609375,
  "summary_fg_median": 2098.48974609375,
  "summary_fg_n": 26931.0,
  "summary_fg_p05": 1324.68115234375,
  "summary_fg_p95": 3208.569580078125,
  "summary_fg_stdv": 590.5997924804688,
  "tsnr": 119.97510715201497
}