{
  "aor": 0.00031324031890660593,
  "aqi": 0.0014735944191343964,
  "bids_meta": {
    "AcquisitionMatrixPE": 70,
    "AcquisitionNumber": 4,
    "AcquisitionTime": "14:17:58.000000",
    "BodyPartExamined": "HEAD",
    "CoilString": "RM:Nova32ch2",
    "ConversionSoftware": "dcm2niix",
    "ConversionSoftwareVersion": "v1.0.20201102",
    "DeviceSerialNumber": "00000650723PSYMR",
    "EchoTime": 0.025,
    "EffectiveEchoSpacing": 0.000448,
    "FlipAngle": 42,
    "ImageOrientationPatientDICOM": [
      1,
      0,
      0,
      0,
      1,
      0
    ],
    "ImageType": [
      "ORIGINAL",
      "PRIMARY",
      "OTHER"
    ],
    "ImagingFrequency": 127.8,
    "InPlanePhaseEncodingDirectionDICOM": "COL",
    "InstitutionName": "cni",
    "InternalPulseSequenceName": "EPI",
    "MRAcquisitionType": "2D",
    "MagneticFieldStrength": 3,
    "Manufacturer": "GE",
    "ManufacturersModelName": "SIGNA UHP",
    "MultibandAccelerationFactor": 4,
    "PatientPosition": "HFS",
    "PercentPhaseFOV": 100,
    "PercentSampling": 100,
    "PhaseEncodingDirection": "j",
    "PhaseEncodingPolarityGE": "Flipped",
    "PixelBandwidth": 7142.86,
    "ProtocolName": "BOLD EPI multiband 4 3.4mm 1sec CUE",
    "PulseSequenceName": "epi",
    "ReconMatrixPE": 70,
    "RepetitionTime": 0.5,
    "SAR": 0.103984,
    "ScanOptions": "EDR_GEMS\\MP_GEMS\\EPI_GEMS\\HYPERBAND_GEMS",
    "ScanningSequence": "EP\\RM",
    "SequenceVariant": "NONE",
    "SeriesDescription": "BOLD EPI multiband 4 3.4mm 1sec CUE",
    "SeriesNumber": 5,
    "SliceThickness": 3.4,
    "SliceTiming": [
      0,
      0.25,
      0.0625,
      0.3125,
      0.125,
      0.4375,
      0.1875,
      0.375,
      0,
      0.25,
      0.0625,
      0.3125,
      0.125,
      0.4375,
      0.1875,
      0.375,
      0,
      0.25,
      0.0625,
      0.3125,
      0.125,
      0.4375,
      0.1875,
      0.375,
      0,
      0.25,
      0.0625,
      0.3125,
      0.125,
      0.4375,
      0.1875,
      0.375
    ],
    "SoftwareVersions": "28\\LX\\MR Software release:RX28.0_R04_UHP3T_2035.a",
    "SpacingBetweenSlices": 3.4,
    "StationName": "CNIMRI",
    "TaskName": "MID",
    "TotalReadoutTime": 0.030912,
    "TriggerDelayTime": 883875,
    "dataset": "ds003858",
    "modality": "bold",
    "run_id": 4,
    "subject_id": "09",
    "task_id": "MID"
  },
  "dummy_trs": 12,
  "dvars_nstd": 13.653130637794865,
  "dvars_std": 1.2007988263019962,
  "dvars_vstd": 0.9949999492022781,
  "efc": 0.4355554623574981,
  "fber": 210832.390625,
  "fd_mean": 0.05880270980354455,
  "fd_num": 0,
  "fd_perc": 0.0,
  "fwhm_avg": 2.765499531674326,
  "fwhm_x": 3.091499913285763,
  "fwhm_y": 2.4187881674489367,
  "fwhm_z": 2.7862105142882787,
  "gcor": 0.0391468,
  "gsr_x": 0.018968777731060982,
  "gsr_y": 0.011943704448640347,
  "provenance": {
    "md5sum": "585b0ca8070a4b78e21c217ecbc0871e",
    "settings": {
      "fd_thres": 0.2,
      "testing": false
    },
    "software": "mriqc",
    "version": "22.0.6",
    "webapi_port": null,
    "webapi_url": "https://mriqc.nimh.nih.gov/api/v1"
  },
  "size_t": 1756,
  "size_x": 70,
  "size_y": 70,
  "size_z": 32,
  "snr": 3.4100059713571693,
  "spacing_tr": 0.5,
  "spacing_x": 3.4000000953674316,
  "spacing_y": 3.4000000953674316,
  "spacing_z": 3.4000015258789062,
  "summary_bg_k": 80.90054969746868,
  "summary_bg_mad": 2.9314322590383,
  "summary_bg_mean": 26.030675888061523,
  "summary_bg_median": 1.9772210121154785,
  "summary_bg_n": 101170.0,
  "summary_bg_p05": 0.0,
  "summary_bg_p95": 145.79134674072245,
  "summary_bg_stdv": 77.16192626953125,
  "summary_fg_k": 0.516618413410213,
  "summary_fg_mad": 236.29945634157207,
  "summary_fg_mean": 874.46728515625,
  "summary_fg_median": 841.2850341796875,
  "summary_fg_n": 24658.0,
  "summary_fg_p05": 533.463525390625,
  "summary_fg_p95": 1324.0345214843749,
  "summary_fg_stdv": 246.70571899414062,
  "tsnr": 94.39266063692048
}