{
  "aor": 0.0007696302616609785,
  "aqi": 0.002114233456200228,
  "bids_meta": {
    "AcquisitionMatrixPE": 70,
    "AcquisitionNumber": 1,
    "AcquisitionTime": "14:34:9.000000",
    "BodyPartExamined": "HEAD",
    "CoilString": "RM:Nova32ch2",
    "ConversionSoftware": "dcm2niix",
    "ConversionSoftwareVersion": "v1.0.20201102",
    "DeviceSerialNumber": "00000650723PSYMR",
    "EchoTime": 0.025,
    "EffectiveEchoSpacing": 0.000456,
    "FlipAngle": 42,
    "ImageOrientationPatientDICOM": [
      1,
      0,
      0,
      0,
      1,
      0
    ],
    "ImageType": [
      "ORIGINAL",
      "PRIMARY",
      "OTHER"
    ],
    "ImagingFrequency": 127.8,
    "InPlanePhaseEncodingDirectionDICOM": "COL",
    "InstitutionName": "cni",
    "InternalPulseSequenceName": "EPI",
    "MRAcquisitionType": "2D",
    "MagneticFieldStrength": 3,
    "Manufacturer": "GE",
    "ManufacturersModelName": "SIGNA UHP",
    "MultibandAccelerationFactor": 8,
    "PatientPosition": "HFS",
    "PercentPhaseFOV": 100,
    "PercentSampling": 100,
    "PhaseEncodingDirection": "j",
    "PhaseEncodingPolarityGE": "Flipped",
    "PixelBandwidth": 7142.86,
    "ProtocolName": "BOLD EPI multiband 8 3.4mm .5sec CUE",
    "PulseSequenceName": "epi",
    "ReconMatrixPE": 70,
    "RepetitionTime": 0.5,
    "SAR": 0.0785455,
    "ScanOptions": "EDR_GEMS\\MP_GEMS\\EPI_GEMS\\HYPERBAND_GEMS",
    "ScanningSequence": "EP\\RM",
    "SequenceVariant": "NONE",
    "SeriesDescription": "BOLD EPI multiband 8 3.4mm .5sec CUE",
    "SeriesNumber": 6,
    "SliceThickness": 3.4,
    "SliceTiming": [
      0,
      0.25,
      0.0833333,
      0.416667,
      0.166667,
      0.333333,
      0,
      0.25,
      0.0833333,
      0.416667,
      0.166667,
      0.333333,
      0,
      0.25,
      0.0833333,
      0.416667,
      0.166667,
      0.333333,
      0,
      0.25,
      0.0833333,
      0.416667,
      0.166667,
      0.333333,
      0,
      0.25,
      0.0833333,
      0.416667,
      0.166667,
      0.333333,
      0,
      0.25,
      0.0833333,
      0.416667,
      0.166667,
      0.333333,
      0,
      0.25,
      0.0833333,
      0.416667,
      0.166667
    ],
    "SoftwareVersions": "28\\LX\\MR Software release:RX28.0_R04_UHP3T_2035.a",
    "SpacingBetweenSlices": 3.4,
    "StationName": "CNIMRI",
    "TaskName": "MID",
    "TotalReadoutTime": 0.031464,
    "TriggerDelayTime": 883667,
    "dataset": "ds003858",
    "modality": "bold",
    "run_id": 8,
    "subject_id": "09",
    "task_id": "MID"
  },
  "dummy_trs": 10,
  "dvars_nstd": 15.529367284114997,
  "dvars_std": 1.2083592979738174,
  "dvars_vstd": 0.9877169647694931,
  "efc": 0.4210846234409656,
  "fber": 32568.0546875,
  "fd_mean": 0.058796078946561685,
  "fd_num": 10,
  "fd_perc": 0.5688282138794084,
  "fwhm_avg": 2.8133907030871423,
  "fwhm_x": 3.0830587370519433,
  "fwhm_y": 2.544417575689833,
  "fwhm_z": 2.8126957965196513,
  "gcor": 0.0934179,
  "gsr_x": 0.014760851860046387,
  "gsr_y": 0.001101016066968441,
  "provenance": {
    "md5sum": "61f7eda49c08f7272e5df86fcf46849d",
    "settings": {
      "fd_thres": 0.2,
      "testing": false
    },
    "software": "mriqc",
    "version": "22.0.6",
    "webapi_port": null,
    "webapi_url": "https://mriqc.nimh.nih.gov/api/v1"
  },
  "size_t": 1758,
  "size_x": 70,
  "size_y": 70,
  "size_z": 41,
  "snr": 3.4091832216460327,
  "spacing_tr": 0.5,
  "spacing_x": 3.4000000953674316,
  "spacing_y": 3.4000000953674316,
  "spacing_z": 3.4000015258789062,
  "summary_bg_k": 70.97172056047806,
  "summary_bg_mad": 7.702278552563408,
  "summary_bg_mean": 31.630929946899414,
  "summary_bg_median": 5.195107936859131,
  "summary_bg_n": 137555.0,
  "summary_bg_p05": 0.0,
  "summary_bg_p95": 159.26563415527292,
  "summary_bg_stdv": 79.88823699951172,
  "summary_fg_k": 0.6875677761014432,
  "summary_fg_mad": 237.5878651786743,
  "summary_fg_mean": 902.2256469726562,
  "summary_fg_median": 860.3594970703125,
  "summary_fg_n": 26906.0,
  "summary_fg_p05": 565.3714294433594,
  "summary_fg_p95": 1369.1546936035156,
  "summary_fg_stdv": 252.360595703125,
  "tsnr": 80.83487387374043
}