{
  "aor": 0.006749726651480638,
  "aqi": 0.0031307664236902054,
  "bids_meta": {
    "AcquisitionMatrixPE": 70,
    "AcquisitionNumber": 1,
    "AcquisitionTime": "14:50:10.000000",
    "BodyPartExamined": "HEAD",
    "CoilString": "RM:Nova32ch2",
    "ConversionSoftware": "dcm2niix",
    "ConversionSoftwareVersion": "v1.0.20201102",
    "DeviceSerialNumber": "00000650723PSYMR",
    "EchoTime": 0.025,
    "EffectiveEchoSpacing": 0.000452,
    "FlipAngle": 77,
    "ImageOrientationPatientDICOM": [
      1,
      0,
      0,
      0,
      1,
      0
    ],
    "ImageType": [
      "ORIGINAL",
      "PRIMARY",
      "OTHER"
    ],
    "ImagingFrequency": 127.8,
    "InPlanePhaseEncodingDirectionDICOM": "COL",
    "InstitutionName": "cni",
    "InternalPulseSequenceName": "EPI",
    "MRAcquisitionType": "2D",
    "MagneticFieldStrength": 3,
    "Manufacturer": "GE",
    "ManufacturersModelName": "SIGNA UHP",
    "PatientPosition": "HFS",
    "PercentPhaseFOV": 100,
    "PercentSampling": 100,
    "PhaseEncodingDirection": "j",
    "PhaseEncodingPolarityGE": "Flipped",
    "PixelBandwidth": 7142.86,
    "ProtocolName": "BOLD EPI 3.4mm 2sec CUE",
    "PulseSequenceName": "epi",
    "ReconMatrixPE": 70,
    "RepetitionTime": 2,
    "SAR": 0.179361,
    "ScanOptions": "MP_GEMS\\EPI_GEMS\\ACC_GEMS",
    "ScanningSequence": "EP\\RM",
    "SequenceVariant": "NONE",
    "SeriesDescription": "BOLD EPI 3.4mm 2sec CUE",
    "SeriesNumber": 7,
    "SliceThickness": 3.4,
    "SliceTiming": [
      0,
      1.02439,
      0.0487805,
      1.07317,
      0.097561,
      1.12195,
      0.146341,
      1.17073,
      0.195122,
      1.21951,
      0.243902,
      1.26829,
      0.292683,
      1.31707,
      0.341463,
      1.36585,
      0.390244,
      1.41463,
      0.439024,
      1.46341,
      0.487805,
      1.5122,
      0.536585,
      1.56098,
      0.585366,
      1.60976,
      0.634146,
      1.65854,
      0.682927,
      1.70732,
      0.731707,
      1.7561,
      0.780488,
      1.80488,
      0.829268,
      1.85366,
      0.878049,
      1.90244,
      0.926829,
      1.95122,
      0.97561
    ],
    "SoftwareVersions": "28\\LX\\MR Software release:RX28.0_R04_UHP3T_2035.a",
    "SpacingBetweenSlices": 3.4,
    "StationName": "CNIMRI",
    "TaskName": "MID",
    "TotalReadoutTime": 0.031188,
    "TriggerDelayTime": 882976,
    "dataset": "ds003858",
    "modality": "bold",
    "run_id": 1,
    "subject_id": "06",
    "task_id": "MID"
  },
  "dummy_trs": 3,
  "dvars_nstd": 14.57703647226028,
  "dvars_std": 1.231452882557078,
  "dvars_vstd": 1.0017391617123286,
  "efc": 0.4612653883099092,
  "fber": 72309.046875,
  "fd_mean": 0.12027052379459988,
  "fd_num": 42,
  "fd_perc": 9.567198177676538,
  "fwhm_avg": 2.816155361730878,
  "fwhm_x": 3.256382261602114,
  "fwhm_y": 2.04311464857453,
  "fwhm_z": 3.148969175015988,
  "gcor": 0.0623094,
  "gsr_x": 0.0430314727127552,
  "gsr_y": -0.02031743712723255,
  "provenance": {
    "md5sum": "9ea880bcf4522105673b203342e0507b",
    "settings": {
      "fd_thres": 0.2,
      "testing": false
    },
    "software": "mriqc",
    "version": "22.0.6",
    "webapi_port": null,
    "webapi_url": "https://mriqc.nimh.nih.gov/api/v1"
  },
  "size_t": 439,
  "size_x": 70,
  "size_y": 70,
  "size_z": 41,
  "snr": 3.5732164997832006,
  "spacing_tr": 2.0,
  "spacing_x": 3.4000000953674316,
  "spacing_y": 3.4000000953674316,
  "spacing_z": 3.4000015258789062,
  "summary_bg_k": 17.67355860320572,
  "summary_bg_mad": 11.038463810426574,
  "summary_bg_mean": 104.60487365722656,
  "summary_bg_median": 7.452164649963379,
  "summary_bg_n": 130946.0,
  "summary_bg_p05": 0.0,
  "summary_bg_p95": 679.7449035644531,
  "summary_bg_stdv": 276.8563537597656,
  "summary_fg_k": 0.17320254770356502,
  "summary_fg_mad": 566.9516490957885,
  "summary_fg_mean": 1999.3446044921875,
  "summary_fg_median": 1973.555908203125,
  "summary_fg_n": 29769.0,
  "summary_fg_p05": 1179.702099609375,
  "summary_fg_p95": 2935.9171874999997,
  "summary_fg_stdv": 552.3098754882812,
  "tsnr": 75.06809968873858
}