{
  "aor": 0.0019012364672364671,
  "aqi": 0.0037721625185185184,
  "bids_meta": {
    "AcquisitionMatrixPE": 70,
    "AcquisitionNumber": 1,
    "AcquisitionTime": "14:34:9.000000",
    "BodyPartExamined": "HEAD",
    "CoilString": "RM:Nova32ch2",
    "ConversionSoftware": "dcm2niix",
    "ConversionSoftwareVersion": "v1.0.20201102",
    "DeviceSerialNumber": "00000650723PSYMR",
    "EchoTime": 0.025,
    "EffectiveEchoSpacing": 0.000456,
    "FlipAngle": 42,
    "ImageOrientationPatientDICOM": [
      1,
      0,
      0,
      0,
      1,
      0
    ],
    "ImageType": [
      "ORIGINAL",
      "PRIMARY",
      "OTHER"
    ],
    "ImagingFrequency": 127.8,
    "InPlanePhaseEncodingDirectionDICOM": "COL",
    "InstitutionName": "cni",
    "InternalPulseSequenceName": "EPI",
    "MRAcquisitionType": "2D",
    "MagneticFieldStrength": 3,
    "Manufacturer": "GE",
    "ManufacturersModelName": "SIGNA UHP",
    "MultibandAccelerationFactor": 8,
    "PatientPosition": "HFS",
    "PercentPhaseFOV": 100,
    "PercentSampling": 100,
    "PhaseEncodingDirection": "j",
    "PhaseEncodingPolarityGE": "Flipped",
    "PixelBandwidth": 7142.86,
    "ProtocolName": "BOLD EPI multiband 8 3.4mm .5sec CUE",
    "PulseSequenceName": "epi",
    "ReconMatrixPE": 70,
    "RepetitionTime": 0.5,
    "SAR": 0.0785455,
    "ScanOptions": "EDR_GEMS\\MP_GEMS\\EPI_GEMS\\HYPERBAND_GEMS",
    "ScanningSequence": "EP\\RM",
    "SequenceVariant": "NONE",
    "SeriesDescription": "BOLD EPI multiband 8 3.4mm .5sec CUE",
    "SeriesNumber": 6,
    "SliceThickness": 3.4,
    "SliceTiming": [
      0,
      0.25,
      0.0833333,
      0.416667,
      0.166667,
      0.333333,
      0,
      0.25,
      0.0833333,
      0.416667,
      0.166667,
      0.333333,
      0,
      0.25,
      0.0833333,
      0.416667,
      0.166667,
      0.333333,
      0,
      0.25,
      0.0833333,
      0.416667,
      0.166667,
      0.333333,
      0,
      0.25,
      0.0833333,
      0.416667,
      0.166667,
      0.333333,
      0,
      0.25,
      0.0833333,
      0.416667,
      0.166667,
      0.333333,
      0,
      0.25,
      0.0833333,
      0.416667,
      0.166667
    ],
    "SoftwareVersions": "28\\LX\\MR Software release:RX28.0_R04_UHP3T_2035.a",
    "SpacingBetweenSlices": 3.4,
    "StationName": "CNIMRI",
    "TaskName": "MID",
    "TotalReadoutTime": 0.031464,
    "TriggerDelayTime": 883667,
    "dataset": "ds003858",
    "modality": "bold",
    "run_id": 8,
    "subject_id": "06",
    "task_id": "MID"
  },
  "dummy_trs": 13,
  "dvars_nstd": 15.50085655995439,
  "dvars_std": 1.0670116730729755,
  "dvars_vstd": 0.9694693888369449,
  "efc": 0.46392077886860383,
  "fber": 16062.2216796875,
  "fd_mean": 0.08019289441676859,
  "fd_num": 53,
  "fd_perc": 3.0199430199430197,
  "fwhm_avg": 2.6971740238027504,
  "fwhm_x": 3.0817352076773026,
  "fwhm_y": 2.0838793533134643,
  "fwhm_z": 2.9259075104174848,
  "gcor": 0.0318546,
  "gsr_x": 0.04310297966003418,
  "gsr_y": -0.017719769850373268,
  "provenance": {
    "md5sum": "c68b693497d97522fc05ff5d01439a5d",
    "settings": {
      "fd_thres": 0.2,
      "testing": false
    },
    "software": "mriqc",
    "version": "22.0.6",
    "webapi_port": null,
    "webapi_url": "https://mriqc.nimh.nih.gov/api/v1"
  },
  "size_t": 1755,
  "size_x": 70,
  "size_y": 70,
  "size_z": 41,
  "snr": 3.4829794719424405,
  "spacing_tr": 0.5,
  "spacing_x": 3.4000000953674316,
  "spacing_y": 3.4000000953674316,
  "spacing_z": 3.4000015258789062,
  "summary_bg_k": 18.163450847655522,
  "summary_bg_mad": 9.824034668604474,
  "summary_bg_mean": 46.593528747558594,
  "summary_bg_median": 6.626210689544678,
  "summary_bg_n": 132273.0,
  "summary_bg_p05": 0.0,
  "summary_bg_p95": 281.258679199218,
  "summary_bg_stdv": 114.14753723144531,
  "summary_fg_k": 0.34675202770057467,
  "summary_fg_mad": 223.65331368182677,
  "summary_fg_mean": 829.1588134765625,
  "summary_fg_median": 802.7926025390625,
  "summary_fg_n": 29259.0,
  "summary_fg_p05": 502.56922302246096,
  "summary_fg_p95": 1237.0704833984375,
  "summary_fg_stdv": 230.4862518310547,
  "tsnr": 58.5205437541008
}