{
  "aor": 0.002434692482915718,
  "aqi": 0.0027988202141230067,
  "bids_meta": {
    "AcquisitionMatrixPE": 70,
    "AcquisitionNumber": 1,
    "AcquisitionTime": "14:50:10.000000",
    "BodyPartExamined": "HEAD",
    "CoilString": "RM:Nova32ch2",
    "ConversionSoftware": "dcm2niix",
    "ConversionSoftwareVersion": "v1.0.20201102",
    "DeviceSerialNumber": "00000650723PSYMR",
    "EchoTime": 0.025,
    "EffectiveEchoSpacing": 0.000452,
    "FlipAngle": 77,
    "ImageOrientationPatientDICOM": [
      1,
      0,
      0,
      0,
      1,
      0
    ],
    "ImageType": [
      "ORIGINAL",
      "PRIMARY",
      "OTHER"
    ],
    "ImagingFrequency": 127.8,
    "InPlanePhaseEncodingDirectionDICOM": "COL",
    "InstitutionName": "cni",
    "InternalPulseSequenceName": "EPI",
    "MRAcquisitionType": "2D",
    "MagneticFieldStrength": 3,
    "Manufacturer": "GE",
    "ManufacturersModelName": "SIGNA UHP",
    "PatientPosition": "HFS",
    "PercentPhaseFOV": 100,
    "PercentSampling": 100,
    "PhaseEncodingDirection": "j",
    "PhaseEncodingPolarityGE": "Flipped",
    "PixelBandwidth": 7142.86,
    "ProtocolName": "BOLD EPI 3.4mm 2sec CUE",
    "PulseSequenceName": "epi",
    "ReconMatrixPE": 70,
    "RepetitionTime": 2,
    "SAR": 0.179361,
    "ScanOptions": "MP_GEMS\\EPI_GEMS\\ACC_GEMS",
    "ScanningSequence": "EP\\RM",
    "SequenceVariant": "NONE",
    "SeriesDescription": "BOLD EPI 3.4mm 2sec CUE",
    "SeriesNumber": 7,
    "SliceThickness": 3.4,
    "SliceTiming": [
      0,
      1.02439,
      0.0487805,
      1.07317,
      0.097561,
      1.12195,
      0.146341,
      1.17073,
      0.195122,
      1.21951,
      0.243902,
      1.26829,
      0.292683,
      1.31707,
      0.341463,
      1.36585,
      0.390244,
      1.41463,
      0.439024,
      1.46341,
      0.487805,
      1.5122,
      0.536585,
      1.56098,
      0.585366,
      1.60976,
      0.634146,
      1.65854,
      0.682927,
      1.70732,
      0.731707,
      1.7561,
      0.780488,
      1.80488,
      0.829268,
      1.85366,
      0.878049,
      1.90244,
      0.926829,
      1.95122,
      0.97561
    ],
    "SoftwareVersions": "28\\LX\\MR Software release:RX28.0_R04_UHP3T_2035.a",
    "SpacingBetweenSlices": 3.4,
    "StationName": "CNIMRI",
    "TaskName": "MID",
    "TotalReadoutTime": 0.031188,
    "TriggerDelayTime": 882976,
    "dataset": "ds003858",
    "modality": "bold",
    "run_id": 1,
    "subject_id": "01",
    "task_id": "MID"
  },
  "dummy_trs": 3,
  "dvars_nstd": 12.165640761301372,
  "dvars_std": 1.208948539863014,
  "dvars_vstd": 0.9601051431963482,
  "efc": 0.4225838148313701,
  "fber": 93690.21875,
  "fd_mean": 0.10358529829532334,
  "fd_num": 36,
  "fd_perc": 8.200455580865604,
  "fwhm_avg": 2.979992615143367,
  "fwhm_x": 2.7193028649020796,
  "fwhm_y": 3.093852854396235,
  "fwhm_z": 3.1268221261317866,
  "gcor": 0.0407448,
  "gsr_x": -0.001940666581504047,
  "gsr_y": 0.016193877905607224,
  "provenance": {
    "md5sum": "7c73f9df86132d8c857fedf54ca1fe20",
    "settings": {
      "fd_thres": 0.2,
      "testing": false
    },
    "software": "mriqc",
    "version": "22.0.6",
    "webapi_port": null,
    "webapi_url": "https://mriqc.nimh.nih.gov/api/v1"
  },
  "size_t": 439,
  "size_x": 70,
  "size_y": 70,
  "size_z": 41,
  "snr": 3.7644352215745314,
  "spacing_tr": 2.0,
  "spacing_x": 3.4000000953674316,
  "spacing_y": 3.4000000953674316,
  "spacing_z": 3.4000015258789062,
  "summary_bg_k": 31.896465014029644,
  "summary_bg_mad": 10.780105852982702,
  "summary_bg_mean": 95.38645935058594,
  "summary_bg_median": 7.273348808288574,
  "summary_bg_n": 140214.0,
  "summary_bg_p05": 0.0,
  "summary_bg_p95": 515.6828277587891,
  "summary_bg_stdv": 250.8654327392578,
  "summary_fg_k": 0.11916741377452222,
  "summary_fg_mad": 540.400002504634,
  "summary_fg_mean": 2114.148193359375,
  "summary_fg_median": 2057.69482421875,
  "summary_fg_n": 24639.0,
  "summary_fg_p05": 1304.8100952148438,
  "summary_fg_p95": 3106.764233398437,
  "summary_fg_stdv": 546.6033935546875,
  "tsnr": 92.04802118148655
}