{
  "aor": 0.0018844849174729653,
  "aqi": 0.0035925990950483777,
  "bids_meta": {
    "AcquisitionMatrixPE": 70,
    "AcquisitionNumber": 1,
    "AcquisitionTime": "14:34:9.000000",
    "BodyPartExamined": "HEAD",
    "CoilString": "RM:Nova32ch2",
    "ConversionSoftware": "dcm2niix",
    "ConversionSoftwareVersion": "v1.0.20201102",
    "DeviceSerialNumber": "00000650723PSYMR",
    "EchoTime": 0.025,
    "EffectiveEchoSpacing": 0.000456,
    "FlipAngle": 42,
    "ImageOrientationPatientDICOM": [
      1,
      0,
      0,
      0,
      1,
      0
    ],
    "ImageType": [
      "ORIGINAL",
      "PRIMARY",
      "OTHER"
    ],
    "ImagingFrequency": 127.8,
    "InPlanePhaseEncodingDirectionDICOM": "COL",
    "InstitutionName": "cni",
    "InternalPulseSequenceName": "EPI",
    "MRAcquisitionType": "2D",
    "MagneticFieldStrength": 3,
    "Manufacturer": "GE",
    "ManufacturersModelName": "SIGNA UHP",
    "MultibandAccelerationFactor": 8,
    "PatientPosition": "HFS",
    "PercentPhaseFOV": 100,
    "PercentSampling": 100,
    "PhaseEncodingDirection": "j",
    "PhaseEncodingPolarityGE": "Flipped",
    "PixelBandwidth": 7142.86,
    "ProtocolName": "BOLD EPI multiband 8 3.4mm .5sec CUE",
    "PulseSequenceName": "epi",
    "ReconMatrixPE": 70,
    "RepetitionTime": 0.5,
    "SAR": 0.0785455,
    "ScanOptions": "EDR_GEMS\\MP_GEMS\\EPI_GEMS\\HYPERBAND_GEMS",
    "ScanningSequence": "EP\\RM",
    "SequenceVariant": "NONE",
    "SeriesDescription": "BOLD EPI multiband 8 3.4mm .5sec CUE",
    "SeriesNumber": 6,
    "SliceThickness": 3.4,
    "SliceTiming": [
      0,
      0.25,
      0.0833333,
      0.416667,
      0.166667,
      0.333333,
      0,
      0.25,
      0.0833333,
      0.416667,
      0.166667,
      0.333333,
      0,
      0.25,
      0.0833333,
      0.416667,
      0.166667,
      0.333333,
      0,
      0.25,
      0.0833333,
      0.416667,
      0.166667,
      0.333333,
      0,
      0.25,
      0.0833333,
      0.416667,
      0.166667,
      0.333333,
      0,
      0.25,
      0.0833333,
      0.416667,
      0.166667,
      0.333333,
      0,
      0.25,
      0.0833333,
      0.416667,
      0.166667
    ],
    "SoftwareVersions": "28\\LX\\MR Software release:RX28.0_R04_UHP3T_2035.a",
    "SpacingBetweenSlices": 3.4,
    "StationName": "CNIMRI",
    "TaskName": "MID",
    "TotalReadoutTime": 0.031464,
    "TriggerDelayTime": 883667,
    "dataset": "ds003858",
    "modality": "bold",
    "run_id": 8,
    "subject_id": "01",
    "task_id": "MID"
  },
  "dummy_trs": 11,
  "dvars_nstd": 15.142212314891808,
  "dvars_std": 1.1100016026765382,
  "dvars_vstd": 0.9655836916970376,
  "efc": 0.4332234879833261,
  "fber": 17415.97265625,
  "fd_mean": 0.10082032908432194,
  "fd_num": 55,
  "fd_perc": 3.130335799658509,
  "fwhm_avg": 2.8061446112217285,
  "fwhm_x": 2.5948587507455843,
  "fwhm_y": 2.9136410947451568,
  "fwhm_z": 2.9099339881744437,
  "gcor": 0.0276017,
  "gsr_x": -0.006480658892542124,
  "gsr_y": 0.019540350884199142,
  "provenance": {
    "md5sum": "c4180a6455d6661cbb61148cfa668de2",
    "settings": {
      "fd_thres": 0.2,
      "testing": false
    },
    "software": "mriqc",
    "version": "22.0.6",
    "webapi_port": null,
    "webapi_url": "https://mriqc.nimh.nih.gov/api/v1"
  },
  "size_t": 1757,
  "size_x": 70,
  "size_y": 70,
  "size_z": 41,
  "snr": 3.840274796466437,
  "spacing_tr": 0.5,
  "spacing_x": 3.4000000953674316,
  "spacing_y": 3.4000000953674316,
  "spacing_z": 3.4000015258789062,
  "summary_bg_k": 35.877399991980276,
  "summary_bg_mad": 10.346149952592594,
  "summary_bg_mean": 43.64910888671875,
  "summary_bg_median": 6.978372097015381,
  "summary_bg_n": 140575.0,
  "summary_bg_p05": 0.0,
  "summary_bg_p95": 208.47682495117184,
  "summary_bg_stdv": 105.77394104003906,
  "summary_fg_k": 0.46933415095023934,
  "summary_fg_mad": 203.77129578421196,
  "summary_fg_mean": 862.150390625,
  "summary_fg_median": 832.682373046875,
  "summary_fg_n": 24619.0,
  "summary_fg_p05": 553.5048828125,
  "summary_fg_p95": 1259.569384765625,
  "summary_fg_stdv": 216.82444763183594,
  "tsnr": 68.23392737656832
}