{
  "aor": 0.0015355656623081296,
  "aqi": 0.0035011433541785103,
  "bids_meta": {
    "AcquisitionMatrixPE": 70,
    "AcquisitionNumber": 1,
    "AcquisitionTime": "14:34:9.000000",
    "BodyPartExamined": "HEAD",
    "CoilString": "RM:Nova32ch2",
    "ConversionSoftware": "dcm2niix",
    "ConversionSoftwareVersion": "v1.0.20201102",
    "DeviceSerialNumber": "00000650723PSYMR",
    "EchoTime": 0.025,
    "EffectiveEchoSpacing": 0.000456,
    "FlipAngle": 42,
    "ImageOrientationPatientDICOM": [
      1,
      0,
      0,
      0,
      1,
      0
    ],
    "ImageType": [
      "ORIGINAL",
      "PRIMARY",
      "OTHER"
    ],
    "ImagingFrequency": 127.8,
    "InPlanePhaseEncodingDirectionDICOM": "COL",
    "InstitutionName": "cni",
    "InternalPulseSequenceName": "EPI",
    "MRAcquisitionType": "2D",
    "MagneticFieldStrength": 3,
    "Manufacturer": "GE",
    "ManufacturersModelName": "SIGNA UHP",
    "MultibandAccelerationFactor": 8,
    "PatientPosition": "HFS",
    "PercentPhaseFOV": 100,
    "PercentSampling": 100,
    "PhaseEncodingDirection": "j",
    "PhaseEncodingPolarityGE": "Flipped",
    "PixelBandwidth": 7142.86,
    "ProtocolName": "BOLD EPI multiband 8 3.4mm .5sec CUE",
    "PulseSequenceName": "epi",
    "ReconMatrixPE": 70,
    "RepetitionTime": 0.5,
    "SAR": 0.0785455,
    "ScanOptions": "EDR_GEMS\\MP_GEMS\\EPI_GEMS\\HYPERBAND_GEMS",
    "ScanningSequence": "EP\\RM",
    "SequenceVariant": "NONE",
    "SeriesDescription": "BOLD EPI multiband 8 3.4mm .5sec CUE",
    "SeriesNumber": 6,
    "SliceThickness": 3.4,
    "SliceTiming": [
      0,
      0.25,
      0.0833333,
      0.416667,
      0.166667,
      0.333333,
      0,
      0.25,
      0.0833333,
      0.416667,
      0.166667,
      0.333333,
      0,
      0.25,
      0.0833333,
      0.416667,
      0.166667,
      0.333333,
      0,
      0.25,
      0.0833333,
      0.416667,
      0.166667,
      0.333333,
      0,
      0.25,
      0.0833333,
      0.416667,
      0.166667,
      0.333333,
      0,
      0.25,
      0.0833333,
      0.416667,
      0.166667,
      0.333333,
      0,
      0.25,
      0.0833333,
      0.416667,
      0.166667
    ],
    "SoftwareVersions": "28\\LX\\MR Software release:RX28.0_R04_UHP3T_2035.a",
    "SpacingBetweenSlices": 3.4,
    "StationName": "CNIMRI",
    "TaskName": "MID",
    "TotalReadoutTime": 0.031464,
    "TriggerDelayTime": 883667,
    "dataset": "ds003858",
    "modality": "bold",
    "run_id": 8,
    "subject_id": "04",
    "task_id": "MID"
  },
  "dummy_trs": 9,
  "dvars_nstd": 15.519335987593859,
  "dvars_std": 1.1618071885437995,
  "dvars_vstd": 0.9524383437770201,
  "efc": 0.4117284611755874,
  "fber": 39097.8984375,
  "fd_mean": 0.08458651611147319,
  "fd_num": 47,
  "fd_perc": 2.67197271176805,
  "fwhm_avg": 2.7836936467490223,
  "fwhm_x": 2.992382269007114,
  "fwhm_y": 2.5577852223737034,
  "fwhm_z": 2.8009134488662504,
  "gcor": 0.070432,
  "gsr_x": 0.022568052634596825,
  "gsr_y": -0.008223490789532661,
  "provenance": {
    "md5sum": "7a8116bb3853cfa22f3b3d2e444356e6",
    "settings": {
      "fd_thres": 0.2,
      "testing": false
    },
    "software": "mriqc",
    "version": "22.0.6",
    "webapi_port": null,
    "webapi_url": "https://mriqc.nimh.nih.gov/api/v1"
  },
  "size_t": 1759,
  "size_x": 70,
  "size_y": 70,
  "size_z": 41,
  "snr": 3.7702661064443403,
  "spacing_tr": 0.5,
  "spacing_x": 3.4000000953674316,
  "spacing_y": 3.4000000953674316,
  "spacing_z": 3.4000015258789062,
  "summary_bg_k": 64.84748837182053,
  "summary_bg_mad": 7.075864778099467,
  "summary_bg_mean": 30.822967529296875,
  "summary_bg_median": 4.7725982666015625,
  "summary_bg_n": 139954.0,
  "summary_bg_p05": 0.0,
  "summary_bg_p95": 153.9805931091309,
  "summary_bg_stdv": 77.86145782470703,
  "summary_fg_k": 0.05764373184874039,
  "summary_fg_mad": 226.7466531738553,
  "summary_fg_mean": 885.5967407226562,
  "summary_fg_median": 856.582763671875,
  "summary_fg_n": 25060.0,
  "summary_fg_p05": 555.642446899414,
  "summary_fg_p95": 1293.2291442871092,
  "summary_fg_stdv": 227.18971252441406,
  "tsnr": 63.20149248233065
}