{
  "aor": 0.0017212578258394991,
  "aqi": 0.00366879244052362,
  "bids_meta": {
    "AcquisitionMatrixPE": 70,
    "AcquisitionNumber": 4,
    "AcquisitionTime": "14:17:58.000000",
    "BodyPartExamined": "HEAD",
    "CoilString": "RM:Nova32ch2",
    "ConversionSoftware": "dcm2niix",
    "ConversionSoftwareVersion": "v1.0.20201102",
    "DeviceSerialNumber": "00000650723PSYMR",
    "EchoTime": 0.025,
    "EffectiveEchoSpacing": 0.000448,
    "FlipAngle": 42,
    "ImageOrientationPatientDICOM": [
      1,
      0,
      0,
      0,
      1,
      0
    ],
    "ImageType": [
      "ORIGINAL",
      "PRIMARY",
      "OTHER"
    ],
    "ImagingFrequency": 127.8,
    "InPlanePhaseEncodingDirectionDICOM": "COL",
    "InstitutionName": "cni",
    "InternalPulseSequenceName": "EPI",
    "MRAcquisitionType": "2D",
    "MagneticFieldStrength": 3,
    "Manufacturer": "GE",
    "ManufacturersModelName": "SIGNA UHP",
    "MultibandAccelerationFactor": 4,
    "PatientPosition": "HFS",
    "PercentPhaseFOV": 100,
    "PercentSampling": 100,
    "PhaseEncodingDirection": "j",
    "PhaseEncodingPolarityGE": "Flipped",
    "PixelBandwidth": 7142.86,
    "ProtocolName": "BOLD EPI multiband 4 3.4mm 1sec CUE",
    "PulseSequenceName": "epi",
    "ReconMatrixPE": 70,
    "RepetitionTime": 0.5,
    "SAR": 0.103984,
    "ScanOptions": "EDR_GEMS\\MP_GEMS\\EPI_GEMS\\HYPERBAND_GEMS",
    "ScanningSequence": "EP\\RM",
    "SequenceVariant": "NONE",
    "SeriesDescription": "BOLD EPI multiband 4 3.4mm 1sec CUE",
    "SeriesNumber": 5,
    "SliceThickness": 3.4,
    "SliceTiming": [
      0,
      0.25,
      0.0625,
      0.3125,
      0.125,
      0.4375,
      0.1875,
      0.375,
      0,
      0.25,
      0.0625,
      0.3125,
      0.125,
      0.4375,
      0.1875,
      0.375,
      0,
      0.25,
      0.0625,
      0.3125,
      0.125,
      0.4375,
      0.1875,
      0.375,
      0,
      0.25,
      0.0625,
      0.3125,
      0.125,
      0.4375,
      0.1875,
      0.375
    ],
    "SoftwareVersions": "28\\LX\\MR Software release:RX28.0_R04_UHP3T_2035.a",
    "SpacingBetweenSlices": 3.4,
    "StationName": "CNIMRI",
    "TaskName": "MID",
    "TotalReadoutTime": 0.030912,
    "TriggerDelayTime": 883875,
    "dataset": "ds003858",
    "modality": "bold",
    "run_id": 4,
    "subject_id": "04",
    "task_id": "MID"
  },
  "dummy_trs": 11,
  "dvars_nstd": 13.77875195335988,
  "dvars_std": 1.130186458058087,
  "dvars_vstd": 0.9696650648747157,
  "efc": 0.43493225152754417,
  "fber": 186944.4375,
  "fd_mean": 0.08573936430880631,
  "fd_num": 72,
  "fd_perc": 4.097894137734775,
  "fwhm_avg": 2.6826309275788964,
  "fwhm_x": 2.9476469761442585,
  "fwhm_y": 2.463994048533887,
  "fwhm_z": 2.6362517580585445,
  "gcor": 0.070369,
  "gsr_x": 0.0213883426040411,
  "gsr_y": -0.005638179834932089,
  "provenance": {
    "md5sum": "560bb70055976776db7a151012d0c54f",
    "settings": {
      "fd_thres": 0.2,
      "testing": false
    },
    "software": "mriqc",
    "version": "22.0.6",
    "webapi_port": null,
    "webapi_url": "https://mriqc.nimh.nih.gov/api/v1"
  },
  "size_t": 1757,
  "size_x": 70,
  "size_y": 70,
  "size_z": 32,
  "snr": 3.9601418966410495,
  "spacing_tr": 0.5,
  "spacing_x": 3.4000000953674316,
  "spacing_y": 3.4000000953674316,
  "spacing_z": 3.4000015258789062,
  "summary_bg_k": 70.98457014108756,
  "summary_bg_mad": 3.0934660378378562,
  "summary_bg_mean": 27.766765594482422,
  "summary_bg_median": 2.0865111351013184,
  "summary_bg_n": 102156.0,
  "summary_bg_p05": 0.0,
  "summary_bg_p95": 155.2026138305664,
  "summary_bg_stdv": 80.62679290771484,
  "summary_fg_k": -0.03709346108638378,
  "summary_fg_mad": 215.4245727492891,
  "summary_fg_mean": 863.9464721679688,
  "summary_fg_median": 842.6778564453125,
  "summary_fg_n": 23618.0,
  "summary_fg_p05": 548.4957397460938,
  "summary_fg_p95": 1241.0995788574216,
  "summary_fg_stdv": 212.78530883789062,
  "tsnr": 65.45331128546968
}