{
  "aor": 0.0011038303927148549,
  "aqi": 0.0032003725782583947,
  "bids_meta": {
    "AcquisitionMatrixPE": 70,
    "AcquisitionNumber": 4,
    "AcquisitionTime": "14:17:58.000000",
    "BodyPartExamined": "HEAD",
    "CoilString": "RM:Nova32ch2",
    "ConversionSoftware": "dcm2niix",
    "ConversionSoftwareVersion": "v1.0.20201102",
    "DeviceSerialNumber": "00000650723PSYMR",
    "EchoTime": 0.025,
    "EffectiveEchoSpacing": 0.000448,
    "FlipAngle": 42,
    "ImageOrientationPatientDICOM": [
      1,
      0,
      0,
      0,
      1,
      0
    ],
    "ImageType": [
      "ORIGINAL",
      "PRIMARY",
      "OTHER"
    ],
    "ImagingFrequency": 127.8,
    "InPlanePhaseEncodingDirectionDICOM": "COL",
    "InstitutionName": "cni",
    "InternalPulseSequenceName": "EPI",
    "MRAcquisitionType": "2D",
    "MagneticFieldStrength": 3,
    "Manufacturer": "GE",
    "ManufacturersModelName": "SIGNA UHP",
    "MultibandAccelerationFactor": 4,
    "PatientPosition": "HFS",
    "PercentPhaseFOV": 100,
    "PercentSampling": 100,
    "PhaseEncodingDirection": "j",
    "PhaseEncodingPolarityGE": "Flipped",
    "PixelBandwidth": 7142.86,
    "ProtocolName": "BOLD EPI multiband 4 3.4mm 1sec CUE",
    "PulseSequenceName": "epi",
    "ReconMatrixPE": 70,
    "RepetitionTime": 0.5,
    "SAR": 0.103984,
    "ScanOptions": "EDR_GEMS\\MP_GEMS\\EPI_GEMS\\HYPERBAND_GEMS",
    "ScanningSequence": "EP\\RM",
    "SequenceVariant": "NONE",
    "SeriesDescription": "BOLD EPI multiband 4 3.4mm 1sec CUE",
    "SeriesNumber": 5,
    "SliceThickness": 3.4,
    "SliceTiming": [
      0,
      0.25,
      0.0625,
      0.3125,
      0.125,
      0.4375,
      0.1875,
      0.375,
      0,
      0.25,
      0.0625,
      0.3125,
      0.125,
      0.4375,
      0.1875,
      0.375,
      0,
      0.25,
      0.0625,
      0.3125,
      0.125,
      0.4375,
      0.1875,
      0.375,
      0,
      0.25,
      0.0625,
      0.3125,
      0.125,
      0.4375,
      0.1875,
      0.375
    ],
    "SoftwareVersions": "28\\LX\\MR Software release:RX28.0_R04_UHP3T_2035.a",
    "SpacingBetweenSlices": 3.4,
    "StationName": "CNIMRI",
    "TaskName": "MID",
    "TotalReadoutTime": 0.030912,
    "TriggerDelayTime": 883875,
    "dataset": "ds003858",
    "modality": "bold",
    "run_id": 4,
    "subject_id": "06",
    "task_id": "MID"
  },
  "dummy_trs": 11,
  "dvars_nstd": 13.46799762801822,
  "dvars_std": 1.0814365347380401,
  "dvars_vstd": 0.971617270296128,
  "efc": 0.49012382736703636,
  "fber": 53610.8359375,
  "fd_mean": 0.06745265418647278,
  "fd_num": 43,
  "fd_perc": 2.4473534433693795,
  "fwhm_avg": 2.6550014782211266,
  "fwhm_x": 3.1183234419451478,
  "fwhm_y": 1.9368528868492103,
  "fwhm_z": 2.9098281058690216,
  "gcor": 0.0328658,
  "gsr_x": 0.041267480701208115,
  "gsr_y": -0.022683361545205116,
  "provenance": {
    "md5sum": "a56f6526fb63fafa0f3bd0b5c81ad96e",
    "settings": {
      "fd_thres": 0.2,
      "testing": false
    },
    "software": "mriqc",
    "version": "22.0.6",
    "webapi_port": null,
    "webapi_url": "https://mriqc.nimh.nih.gov/api/v1"
  },
  "size_t": 1757,
  "size_x": 70,
  "size_y": 70,
  "size_z": 32,
  "snr": 3.5385224865739917,
  "spacing_tr": 0.5,
  "spacing_x": 3.4000000953674316,
  "spacing_y": 3.4000000953674316,
  "spacing_z": 3.4000015258789062,
  "summary_bg_k": 17.378121333925307,
  "summary_bg_mad": 5.0089507172835175,
  "summary_bg_mean": 44.37126159667969,
  "summary_bg_median": 3.378485918045044,
  "summary_bg_n": 94759.0,
  "summary_bg_p05": 0.0,
  "summary_bg_p95": 302.45484313964806,
  "summary_bg_stdv": 119.34197998046875,
  "summary_fg_k": 0.29730286223232527,
  "summary_fg_mad": 221.08491165742223,
  "summary_fg_mean": 810.473876953125,
  "summary_fg_median": 790.0494384765625,
  "summary_fg_n": 27508.0,
  "summary_fg_p05": 485.8177749633789,
  "summary_fg_p95": 1190.8602478027342,
  "summary_fg_stdv": 223.26693725585938,
  "tsnr": 67.18841001566034
}