{
  "aor": 0.0003726723646723646,
  "aqi": 0.00557801803988604,
  "bids_meta": {
    "AcquisitionMatrixPE": 70,
    "AcquisitionNumber": 4,
    "AcquisitionTime": "14:17:58.000000",
    "BodyPartExamined": "HEAD",
    "CoilString": "RM:Nova32ch2",
    "ConversionSoftware": "dcm2niix",
    "ConversionSoftwareVersion": "v1.0.20201102",
    "DeviceSerialNumber": "00000650723PSYMR",
    "EchoTime": 0.025,
    "EffectiveEchoSpacing": 0.000448,
    "FlipAngle": 42,
    "ImageOrientationPatientDICOM": [
      1,
      0,
      0,
      0,
      1,
      0
    ],
    "ImageType": [
      "ORIGINAL",
      "PRIMARY",
      "OTHER"
    ],
    "ImagingFrequency": 127.8,
    "InPlanePhaseEncodingDirectionDICOM": "COL",
    "InstitutionName": "cni",
    "InternalPulseSequenceName": "EPI",
    "MRAcquisitionType": "2D",
    "MagneticFieldStrength": 3,
    "Manufacturer": "GE",
    "ManufacturersModelName": "SIGNA UHP",
    "MultibandAccelerationFactor": 4,
    "PatientPosition": "HFS",
    "PercentPhaseFOV": 100,
    "PercentSampling": 100,
    "PhaseEncodingDirection": "j",
    "PhaseEncodingPolarityGE": "Flipped",
    "PixelBandwidth": 7142.86,
    "ProtocolName": "BOLD EPI multiband 4 3.4mm 1sec CUE",
    "PulseSequenceName": "epi",
    "ReconMatrixPE": 70,
    "RepetitionTime": 0.5,
    "SAR": 0.103984,
    "ScanOptions": "EDR_GEMS\\MP_GEMS\\EPI_GEMS\\HYPERBAND_GEMS",
    "ScanningSequence": "EP\\RM",
    "SequenceVariant": "NONE",
    "SeriesDescription": "BOLD EPI multiband 4 3.4mm 1sec CUE",
    "SeriesNumber": 5,
    "SliceThickness": 3.4,
    "SliceTiming": [
      0,
      0.25,
      0.0625,
      0.3125,
      0.125,
      0.4375,
      0.1875,
      0.375,
      0,
      0.25,
      0.0625,
      0.3125,
      0.125,
      0.4375,
      0.1875,
      0.375,
      0,
      0.25,
      0.0625,
      0.3125,
      0.125,
      0.4375,
      0.1875,
      0.375,
      0,
      0.25,
      0.0625,
      0.3125,
      0.125,
      0.4375,
      0.1875,
      0.375
    ],
    "SoftwareVersions": "28\\LX\\MR Software release:RX28.0_R04_UHP3T_2035.a",
    "SpacingBetweenSlices": 3.4,
    "StationName": "CNIMRI",
    "TaskName": "MID",
    "TotalReadoutTime": 0.030912,
    "TriggerDelayTime": 883875,
    "dataset": "ds003858",
    "modality": "bold",
    "run_id": 4,
    "subject_id": "01",
    "task_id": "MID"
  },
  "dummy_trs": 13,
  "dvars_nstd": 13.368715194350065,
  "dvars_std": 1.0254140816932713,
  "dvars_vstd": 0.9201502469099203,
  "efc": 0.44165073433934604,
  "fber": 67784.59375,
  "fd_mean": 0.11370743150375917,
  "fd_num": 102,
  "fd_perc": 5.811965811965812,
  "fwhm_avg": 2.775183829934157,
  "fwhm_x": 2.5239058115592896,
  "fwhm_y": 2.9070969772816553,
  "fwhm_z": 2.8945487009615274,
  "gcor": 0.023692,
  "gsr_x": 0.005068042315542698,
  "gsr_y": 0.019606783986091614,
  "provenance": {
    "md5sum": "d484bd1979f3fd2a602ef7d12b5c0684",
    "settings": {
      "fd_thres": 0.2,
      "testing": false
    },
    "software": "mriqc",
    "version": "22.0.6",
    "webapi_port": null,
    "webapi_url": "https://mriqc.nimh.nih.gov/api/v1"
  },
  "size_t": 1755,
  "size_x": 70,
  "size_y": 70,
  "size_z": 32,
  "snr": 4.034330245289011,
  "spacing_tr": 0.5,
  "spacing_x": 3.4000000953674316,
  "spacing_y": 3.4000000953674316,
  "spacing_z": 3.4000015258789062,
  "summary_bg_k": 41.45442995019657,
  "summary_bg_mad": 4.9952289804899594,
  "summary_bg_mean": 35.76091384887695,
  "summary_bg_median": 3.3692307472229004,
  "summary_bg_n": 103413.0,
  "summary_bg_p05": 0.0,
  "summary_bg_p95": 179.35395202636715,
  "summary_bg_stdv": 103.3352279663086,
  "summary_fg_k": 0.3010559345386432,
  "summary_fg_mad": 193.7596587206863,
  "summary_fg_mean": 839.7454833984375,
  "summary_fg_median": 815.7914428710938,
  "summary_fg_n": 22749.0,
  "summary_fg_p05": 542.8959350585938,
  "summary_fg_p95": 1209.4231933593749,
  "summary_fg_stdv": 202.20791625976562,
  "tsnr": 66.57857064134441
}