{
  "aor": 0.0008573409090909092,
  "aqi": 0.001476450215909091,
  "bids_meta": {
    "AcquisitionMatrixPE": 70,
    "AcquisitionNumber": 1,
    "AcquisitionTime": "14:50:10.000000",
    "BodyPartExamined": "HEAD",
    "CoilString": "RM:Nova32ch2",
    "ConversionSoftware": "dcm2niix",
    "ConversionSoftwareVersion": "v1.0.20201102",
    "DeviceSerialNumber": "00000650723PSYMR",
    "EchoTime": 0.025,
    "EffectiveEchoSpacing": 0.000452,
    "FlipAngle": 77,
    "ImageOrientationPatientDICOM": [
      1,
      0,
      0,
      0,
      1,
      0
    ],
    "ImageType": [
      "ORIGINAL",
      "PRIMARY",
      "OTHER"
    ],
    "ImagingFrequency": 127.8,
    "InPlanePhaseEncodingDirectionDICOM": "COL",
    "InstitutionName": "cni",
    "InternalPulseSequenceName": "EPI",
    "MRAcquisitionType": "2D",
    "MagneticFieldStrength": 3,
    "Manufacturer": "GE",
    "ManufacturersModelName": "SIGNA UHP",
    "PatientPosition": "HFS",
    "PercentPhaseFOV": 100,
    "PercentSampling": 100,
    "PhaseEncodingDirection": "j",
    "PhaseEncodingPolarityGE": "Flipped",
    "PixelBandwidth": 7142.86,
    "ProtocolName": "BOLD EPI 3.4mm 2sec CUE",
    "PulseSequenceName": "epi",
    "ReconMatrixPE": 70,
    "RepetitionTime": 2,
    "SAR": 0.179361,
    "ScanOptions": "MP_GEMS\\EPI_GEMS\\ACC_GEMS",
    "ScanningSequence": "EP\\RM",
    "SequenceVariant": "NONE",
    "SeriesDescription": "BOLD EPI 3.4mm 2sec CUE",
    "SeriesNumber": 7,
    "SliceThickness": 3.4,
    "SliceTiming": [
      0,
      1.02439,
      0.0487805,
      1.07317,
      0.097561,
      1.12195,
      0.146341,
      1.17073,
      0.195122,
      1.21951,
      0.243902,
      1.26829,
      0.292683,
      1.31707,
      0.341463,
      1.36585,
      0.390244,
      1.41463,
      0.439024,
      1.46341,
      0.487805,
      1.5122,
      0.536585,
      1.56098,
      0.585366,
      1.60976,
      0.634146,
      1.65854,
      0.682927,
      1.70732,
      0.731707,
      1.7561,
      0.780488,
      1.80488,
      0.829268,
      1.85366,
      0.878049,
      1.90244,
      0.926829,
      1.95122,
      0.97561
    ],
    "SoftwareVersions": "28\\LX\\MR Software release:RX28.0_R04_UHP3T_2035.a",
    "SpacingBetweenSlices": 3.4,
    "StationName": "CNIMRI",
    "TaskName": "MID",
    "TotalReadoutTime": 0.031188,
    "TriggerDelayTime": 882976,
    "dataset": "ds003858",
    "modality": "bold",
    "run_id": 1,
    "subject_id": "08",
    "task_id": "MID"
  },
  "dummy_trs": 2,
  "dvars_nstd": 12.374357345056948,
  "dvars_std": 1.248424045079728,
  "dvars_vstd": 0.9449140279954438,
  "efc": 0.4121678070457402,
  "fber": 252724.546875,
  "fd_mean": 0.07476360122165814,
  "fd_num": 8,
  "fd_perc": 1.8181818181818181,
  "fwhm_avg": 2.8837436239704055,
  "fwhm_x": 3.0632940317239754,
  "fwhm_y": 2.6446146317029102,
  "fwhm_z": 2.943322208484332,
  "gcor": 0.0787449,
  "gsr_x": 0.019390391185879707,
  "gsr_y": -0.015252933837473392,
  "provenance": {
    "md5sum": "2ef4786908476d432f4e0ba217e42e5a",
    "settings": {
      "fd_thres": 0.2,
      "testing": false
    },
    "software": "mriqc",
    "version": "22.0.6",
    "webapi_port": null,
    "webapi_url": "https://mriqc.nimh.nih.gov/api/v1"
  },
  "size_t": 440,
  "size_x": 70,
  "size_y": 70,
  "size_z": 41,
  "snr": 3.721067597177341,
  "spacing_tr": 2.0,
  "spacing_x": 3.4000000953674316,
  "spacing_y": 3.4000000953674316,
  "spacing_z": 3.4000015258789062,
  "summary_bg_k": 33.206774602697585,
  "summary_bg_mad": 6.840186993952788,
  "summary_bg_mean": 61.204017639160156,
  "summary_bg_median": 4.613636016845703,
  "summary_bg_n": 137092.0,
  "summary_bg_p05": 0.0,
  "summary_bg_p95": 353.69396362304684,
  "summary_bg_stdv": 167.01016235351562,
  "summary_fg_k": -0.14160696872875933,
  "summary_fg_mad": 602.8008693894931,
  "summary_fg_mean": 2216.83984375,
  "summary_fg_median": 2153.07958984375,
  "summary_fg_n": 27230.0,
  "summary_fg_p05": 1385.5719970703126,
  "summary_fg_p95": 3241.26962890625,
  "summary_fg_stdv": 578.608154296875,
  "tsnr": 108.76601942349225
}