{
  "aor": 0.001849004550625711,
  "aqi": 0.002154549285551763,
  "bids_meta": {
    "AcquisitionMatrixPE": 70,
    "AcquisitionNumber": 1,
    "AcquisitionTime": "14:34:9.000000",
    "BodyPartExamined": "HEAD",
    "CoilString": "RM:Nova32ch2",
    "ConversionSoftware": "dcm2niix",
    "ConversionSoftwareVersion": "v1.0.20201102",
    "DeviceSerialNumber": "00000650723PSYMR",
    "EchoTime": 0.025,
    "EffectiveEchoSpacing": 0.000456,
    "FlipAngle": 42,
    "ImageOrientationPatientDICOM": [
      1,
      0,
      0,
      0,
      1,
      0
    ],
    "ImageType": [
      "ORIGINAL",
      "PRIMARY",
      "OTHER"
    ],
    "ImagingFrequency": 127.8,
    "InPlanePhaseEncodingDirectionDICOM": "COL",
    "InstitutionName": "cni",
    "InternalPulseSequenceName": "EPI",
    "MRAcquisitionType": "2D",
    "MagneticFieldStrength": 3,
    "Manufacturer": "GE",
    "ManufacturersModelName": "SIGNA UHP",
    "MultibandAccelerationFactor": 8,
    "PatientPosition": "HFS",
    "PercentPhaseFOV": 100,
    "PercentSampling": 100,
    "PhaseEncodingDirection": "j",
    "PhaseEncodingPolarityGE": "Flipped",
    "PixelBandwidth": 7142.86,
    "ProtocolName": "BOLD EPI multiband 8 3.4mm .5sec CUE",
    "PulseSequenceName": "epi",
    "ReconMatrixPE": 70,
    "RepetitionTime": 0.5,
    "SAR": 0.0785455,
    "ScanOptions": "EDR_GEMS\\MP_GEMS\\EPI_GEMS\\HYPERBAND_GEMS",
    "ScanningSequence": "EP\\RM",
    "SequenceVariant": "NONE",
    "SeriesDescription": "BOLD EPI multiband 8 3.4mm .5sec CUE",
    "SeriesNumber": 6,
    "SliceThickness": 3.4,
    "SliceTiming": [
      0,
      0.25,
      0.0833333,
      0.416667,
      0.166667,
      0.333333,
      0,
      0.25,
      0.0833333,
      0.416667,
      0.166667,
      0.333333,
      0,
      0.25,
      0.0833333,
      0.416667,
      0.166667,
      0.333333,
      0,
      0.25,
      0.0833333,
      0.416667,
      0.166667,
      0.333333,
      0,
      0.25,
      0.0833333,
      0.416667,
      0.166667,
      0.333333,
      0,
      0.25,
      0.0833333,
      0.416667,
      0.166667,
      0.333333,
      0,
      0.25,
      0.0833333,
      0.416667,
      0.166667
    ],
    "SoftwareVersions": "28\\LX\\MR Software release:RX28.0_R04_UHP3T_2035.a",
    "SpacingBetweenSlices": 3.4,
    "StationName": "CNIMRI",
    "TaskName": "MID",
    "TotalReadoutTime": 0.031464,
    "TriggerDelayTime": 883667,
    "dataset": "ds003858",
    "modality": "bold",
    "run_id": 8,
    "subject_id": "08",
    "task_id": "MID"
  },
  "dummy_trs": 10,
  "dvars_nstd": 14.291704887820135,
  "dvars_std": 1.16441620628913,
  "dvars_vstd": 0.9921359135628915,
  "efc": 0.4186326015310705,
  "fber": 63574.546875,
  "fd_mean": 0.07874858450051624,
  "fd_num": 15,
  "fd_perc": 0.8532423208191127,
  "fwhm_avg": 2.7351828750301177,
  "fwhm_x": 2.9197116828101755,
  "fwhm_y": 2.5650263986411823,
  "fwhm_z": 2.720810543638995,
  "gcor": 0.0354455,
  "gsr_x": 0.0233351718634367,
  "gsr_y": -0.01828405261039734,
  "provenance": {
    "md5sum": "03708943c2c18f9ca94fbdae89a98da9",
    "settings": {
      "fd_thres": 0.2,
      "testing": false
    },
    "software": "mriqc",
    "version": "22.0.6",
    "webapi_port": null,
    "webapi_url": "https://mriqc.nimh.nih.gov/api/v1"
  },
  "size_t": 1758,
  "size_x": 70,
  "size_y": 70,
  "size_z": 41,
  "snr": 3.6472597890867,
  "spacing_tr": 0.5,
  "spacing_x": 3.4000000953674316,
  "spacing_y": 3.4000000953674316,
  "spacing_z": 3.4000015258789062,
  "summary_bg_k": 33.195583187884885,
  "summary_bg_mad": 5.623430656360475,
  "summary_bg_mean": 27.598918914794922,
  "summary_bg_median": 3.7929463386535645,
  "summary_bg_n": 137245.0,
  "summary_bg_p05": 0.0,
  "summary_bg_p95": 138.76621093749992,
  "summary_bg_stdv": 65.10872650146484,
  "summary_fg_k": 0.18232306866304526,
  "summary_fg_mad": 232.12850646629929,
  "summary_fg_mean": 901.7743530273438,
  "summary_fg_median": 866.6990356445312,
  "summary_fg_n": 27311.0,
  "summary_fg_p05": 567.3808288574219,
  "summary_fg_p95": 1338.634765625,
  "summary_fg_stdv": 237.62583923339844,
  "tsnr": 78.43814888130873
}