{
  "aor": 0.0008315909090909091,
  "aqi": 0.0016076917585227271,
  "bids_meta": {
    "AcquisitionMatrixPE": 70,
    "AcquisitionNumber": 4,
    "AcquisitionTime": "14:17:58.000000",
    "BodyPartExamined": "HEAD",
    "CoilString": "RM:Nova32ch2",
    "ConversionSoftware": "dcm2niix",
    "ConversionSoftwareVersion": "v1.0.20201102",
    "DeviceSerialNumber": "00000650723PSYMR",
    "EchoTime": 0.025,
    "EffectiveEchoSpacing": 0.000448,
    "FlipAngle": 42,
    "ImageOrientationPatientDICOM": [
      1,
      0,
      0,
      0,
      1,
      0
    ],
    "ImageType": [
      "ORIGINAL",
      "PRIMARY",
      "OTHER"
    ],
    "ImagingFrequency": 127.8,
    "InPlanePhaseEncodingDirectionDICOM": "COL",
    "InstitutionName": "cni",
    "InternalPulseSequenceName": "EPI",
    "MRAcquisitionType": "2D",
    "MagneticFieldStrength": 3,
    "Manufacturer": "GE",
    "ManufacturersModelName": "SIGNA UHP",
    "MultibandAccelerationFactor": 4,
    "PatientPosition": "HFS",
    "PercentPhaseFOV": 100,
    "PercentSampling": 100,
    "PhaseEncodingDirection": "j",
    "PhaseEncodingPolarityGE": "Flipped",
    "PixelBandwidth": 7142.86,
    "ProtocolName": "BOLD EPI multiband 4 3.4mm 1sec CUE",
    "PulseSequenceName": "epi",
    "ReconMatrixPE": 70,
    "RepetitionTime": 0.5,
    "SAR": 0.103984,
    "ScanOptions": "EDR_GEMS\\MP_GEMS\\EPI_GEMS\\HYPERBAND_GEMS",
    "ScanningSequence": "EP\\RM",
    "SequenceVariant": "NONE",
    "SeriesDescription": "BOLD EPI multiband 4 3.4mm 1sec CUE",
    "SeriesNumber": 5,
    "SliceThickness": 3.4,
    "SliceTiming": [
      0,
      0.25,
      0.0625,
      0.3125,
      0.125,
      0.4375,
      0.1875,
      0.375,
      0,
      0.25,
      0.0625,
      0.3125,
      0.125,
      0.4375,
      0.1875,
      0.375,
      0,
      0.25,
      0.0625,
      0.3125,
      0.125,
      0.4375,
      0.1875,
      0.375,
      0,
      0.25,
      0.0625,
      0.3125,
      0.125,
      0.4375,
      0.1875,
      0.375
    ],
    "SoftwareVersions": "28\\LX\\MR Software release:RX28.0_R04_UHP3T_2035.a",
    "SpacingBetweenSlices": 3.4,
    "StationName": "CNIMRI",
    "TaskName": "MID",
    "TotalReadoutTime": 0.030912,
    "TriggerDelayTime": 883875,
    "dataset": "ds003858",
    "modality": "bold",
    "run_id": 4,
    "subject_id": "08",
    "task_id": "MID"
  },
  "dummy_trs": 8,
  "dvars_nstd": 13.163311382507112,
  "dvars_std": 1.2066243146844793,
  "dvars_vstd": 0.9996222243604324,
  "efc": 0.44565501338519814,
  "fber": 211592.5625,
  "fd_mean": 0.070316579254816,
  "fd_num": 6,
  "fd_perc": 0.3409090909090909,
  "fwhm_avg": 2.708410321444893,
  "fwhm_x": 2.8981558010618604,
  "fwhm_y": 2.4683558131174252,
  "fwhm_z": 2.758719350155393,
  "gcor": 0.0535228,
  "gsr_x": 0.022977249696850777,
  "gsr_y": -0.013973317109048367,
  "provenance": {
    "md5sum": "47a91efa8208d33a92ec7ece2857ced4",
    "settings": {
      "fd_thres": 0.2,
      "testing": false
    },
    "software": "mriqc",
    "version": "22.0.6",
    "webapi_port": null,
    "webapi_url": "https://mriqc.nimh.nih.gov/api/v1"
  },
  "size_t": 1760,
  "size_x": 70,
  "size_y": 70,
  "size_z": 32,
  "snr": 3.721761815232868,
  "spacing_tr": 0.5,
  "spacing_x": 3.4000000953674316,
  "spacing_y": 3.4000000953674316,
  "spacing_z": 3.4000015258789062,
  "summary_bg_k": 42.46645579017711,
  "summary_bg_mad": 2.88433512547565,
  "summary_bg_mean": 23.95686149597168,
  "summary_bg_median": 1.945454478263855,
  "summary_bg_n": 99173.0,
  "summary_bg_p05": 0.0,
  "summary_bg_p95": 137.89465942382802,
  "summary_bg_stdv": 66.79344177246094,
  "summary_fg_k": 0.024380213837928544,
  "summary_fg_mad": 230.6466281746582,
  "summary_fg_mean": 877.9737548828125,
  "summary_fg_median": 849.4613647460938,
  "summary_fg_n": 26043.0,
  "summary_fg_p05": 550.8286804199219,
  "summary_fg_p95": 1287.857092285156,
  "summary_fg_stdv": 228.2373504638672,
  "tsnr": 91.17159750312567
}