{
  "aor": 0.0012073537762634866,
  "aqi": 0.003207188700170358,
  "bids_meta": {
    "AcquisitionMatrixPE": 70,
    "AcquisitionNumber": 4,
    "AcquisitionTime": "14:17:58.000000",
    "BodyPartExamined": "HEAD",
    "CoilString": "RM:Nova32ch2",
    "ConversionSoftware": "dcm2niix",
    "ConversionSoftwareVersion": "v1.0.20201102",
    "DeviceSerialNumber": "00000650723PSYMR",
    "EchoTime": 0.025,
    "EffectiveEchoSpacing": 0.000448,
    "FlipAngle": 42,
    "ImageOrientationPatientDICOM": [
      1,
      0,
      0,
      0,
      1,
      0
    ],
    "ImageType": [
      "ORIGINAL",
      "PRIMARY",
      "OTHER"
    ],
    "ImagingFrequency": 127.8,
    "InPlanePhaseEncodingDirectionDICOM": "COL",
    "InstitutionName": "cni",
    "InternalPulseSequenceName": "EPI",
    "MRAcquisitionType": "2D",
    "MagneticFieldStrength": 3,
    "Manufacturer": "GE",
    "ManufacturersModelName": "SIGNA UHP",
    "MultibandAccelerationFactor": 4,
    "PatientPosition": "HFS",
    "PercentPhaseFOV": 100,
    "PercentSampling": 100,
    "PhaseEncodingDirection": "j",
    "PhaseEncodingPolarityGE": "Flipped",
    "PixelBandwidth": 7142.86,
    "ProtocolName": "BOLD EPI multiband 4 3.4mm 1sec CUE",
    "PulseSequenceName": "epi",
    "ReconMatrixPE": 70,
    "RepetitionTime": 0.5,
    "SAR": 0.103984,
    "ScanOptions": "EDR_GEMS\\MP_GEMS\\EPI_GEMS\\HYPERBAND_GEMS",
    "ScanningSequence": "EP\\RM",
    "SequenceVariant": "NONE",
    "SeriesDescription": "BOLD EPI multiband 4 3.4mm 1sec CUE",
    "SeriesNumber": 5,
    "SliceThickness": 3.4,
    "SliceTiming": [
      0,
      0.25,
      0.0625,
      0.3125,
      0.125,
      0.4375,
      0.1875,
      0.375,
      0,
      0.25,
      0.0625,
      0.3125,
      0.125,
      0.4375,
      0.1875,
      0.375,
      0,
      0.25,
      0.0625,
      0.3125,
      0.125,
      0.4375,
      0.1875,
      0.375,
      0,
      0.25,
      0.0625,
      0.3125,
      0.125,
      0.4375,
      0.1875,
      0.375
    ],
    "SoftwareVersions": "28\\LX\\MR Software release:RX28.0_R04_UHP3T_2035.a",
    "SpacingBetweenSlices": 3.4,
    "StationName": "CNIMRI",
    "TaskName": "MID",
    "TotalReadoutTime": 0.030912,
    "TriggerDelayTime": 883875,
    "dataset": "ds003858",
    "modality": "bold",
    "run_id": 4,
    "subject_id": "10",
    "task_id": "MID"
  },
  "dummy_trs": 7,
  "dvars_nstd": 16.53902562089772,
  "dvars_std": 1.2407177631249997,
  "dvars_vstd": 0.9774703351704533,
  "efc": 0.48291933081669114,
  "fber": 127235.703125,
  "fd_mean": 0.06596294723916388,
  "fd_num": 19,
  "fd_perc": 1.0789324247586598,
  "fwhm_avg": 2.848070099352915,
  "fwhm_x": 3.2242352036802853,
  "fwhm_y": 2.403702873754421,
  "fwhm_z": 2.9162722206240397,
  "gcor": 0.0563584,
  "gsr_x": 0.04166354984045029,
  "gsr_y": -0.018156806007027626,
  "provenance": {
    "md5sum": "9105c50c46636da0f134a13b501c9805",
    "settings": {
      "fd_thres": 0.2,
      "testing": false
    },
    "software": "mriqc",
    "version": "22.0.6",
    "webapi_port": null,
    "webapi_url": "https://mriqc.nimh.nih.gov/api/v1"
  },
  "size_t": 1761,
  "size_x": 70,
  "size_y": 70,
  "size_z": 32,
  "snr": 3.1944734115893456,
  "spacing_tr": 0.5,
  "spacing_x": 3.4000000953674316,
  "spacing_y": 3.4000000953674316,
  "spacing_z": 3.4000015258789062,
  "summary_bg_k": 19.548395555822385,
  "summary_bg_mad": 3.7241855511379947,
  "summary_bg_mean": 39.335548400878906,
  "summary_bg_median": 2.511924982070923,
  "summary_bg_n": 94212.0,
  "summary_bg_p05": 0.0,
  "summary_bg_p95": 272.373013305664,
  "summary_bg_stdv": 104.82968139648438,
  "summary_fg_k": 0.0650210431420768,
  "summary_fg_mad": 276.326413324904,
  "summary_fg_mean": 920.8641967773438,
  "summary_fg_median": 881.8983154296875,
  "summary_fg_n": 29723.0,
  "summary_fg_p05": 540.2085632324219,
  "summary_fg_p95": 1420.314404296875,
  "summary_fg_stdv": 276.06536865234375,
  "tsnr": 68.76751409936696
}