{
  "aor": 0.0009451535836177473,
  "aqi": 0.0020675479379977245,
  "bids_meta": {
    "AcquisitionMatrixPE": 70,
    "AcquisitionNumber": 1,
    "AcquisitionTime": "14:34:9.000000",
    "BodyPartExamined": "HEAD",
    "CoilString": "RM:Nova32ch2",
    "ConversionSoftware": "dcm2niix",
    "ConversionSoftwareVersion": "v1.0.20201102",
    "DeviceSerialNumber": "00000650723PSYMR",
    "EchoTime": 0.025,
    "EffectiveEchoSpacing": 0.000456,
    "FlipAngle": 42,
    "ImageOrientationPatientDICOM": [
      1,
      0,
      0,
      0,
      1,
      0
    ],
    "ImageType": [
      "ORIGINAL",
      "PRIMARY",
      "OTHER"
    ],
    "ImagingFrequency": 127.8,
    "InPlanePhaseEncodingDirectionDICOM": "COL",
    "InstitutionName": "cni",
    "InternalPulseSequenceName": "EPI",
    "MRAcquisitionType": "2D",
    "MagneticFieldStrength": 3,
    "Manufacturer": "GE",
    "ManufacturersModelName": "SIGNA UHP",
    "MultibandAccelerationFactor": 8,
    "PatientPosition": "HFS",
    "PercentPhaseFOV": 100,
    "PercentSampling": 100,
    "PhaseEncodingDirection": "j",
    "PhaseEncodingPolarityGE": "Flipped",
    "PixelBandwidth": 7142.86,
    "ProtocolName": "BOLD EPI multiband 8 3.4mm .5sec CUE",
    "PulseSequenceName": "epi",
    "ReconMatrixPE": 70,
    "RepetitionTime": 0.5,
    "SAR": 0.0785455,
    "ScanOptions": "EDR_GEMS\\MP_GEMS\\EPI_GEMS\\HYPERBAND_GEMS",
    "ScanningSequence": "EP\\RM",
    "SequenceVariant": "NONE",
    "SeriesDescription": "BOLD EPI multiband 8 3.4mm .5sec CUE",
    "SeriesNumber": 6,
    "SliceThickness": 3.4,
    "SliceTiming": [
      0,
      0.25,
      0.0833333,
      0.416667,
      0.166667,
      0.333333,
      0,
      0.25,
      0.0833333,
      0.416667,
      0.166667,
      0.333333,
      0,
      0.25,
      0.0833333,
      0.416667,
      0.166667,
      0.333333,
      0,
      0.25,
      0.0833333,
      0.416667,
      0.166667,
      0.333333,
      0,
      0.25,
      0.0833333,
      0.416667,
      0.166667,
      0.333333,
      0,
      0.25,
      0.0833333,
      0.416667,
      0.166667,
      0.333333,
      0,
      0.25,
      0.0833333,
      0.416667,
      0.166667
    ],
    "SoftwareVersions": "28\\LX\\MR Software release:RX28.0_R04_UHP3T_2035.a",
    "SpacingBetweenSlices": 3.4,
    "StationName": "CNIMRI",
    "TaskName": "MID",
    "TotalReadoutTime": 0.031464,
    "TriggerDelayTime": 883667,
    "dataset": "ds003858",
    "modality": "bold",
    "run_id": 8,
    "subject_id": "10",
    "task_id": "MID"
  },
  "dummy_trs": 10,
  "dvars_nstd": 18.116212449060903,
  "dvars_std": 1.2335261883836066,
  "dvars_vstd": 0.9811431825099605,
  "efc": 0.45814272716639887,
  "fber": 28468.5390625,
  "fd_mean": 0.06769872731526409,
  "fd_num": 1,
  "fd_perc": 0.05688282138794084,
  "fwhm_avg": 2.869420095580788,
  "fwhm_x": 3.1957940280074504,
  "fwhm_y": 2.4735675776771218,
  "fwhm_z": 2.9388986810577924,
  "gcor": 0.0251672,
  "gsr_x": 0.042101386934518814,
  "gsr_y": -0.02025994099676609,
  "provenance": {
    "md5sum": "2456791514f0b5b090c57e8068621493",
    "settings": {
      "fd_thres": 0.2,
      "testing": false
    },
    "software": "mriqc",
    "version": "22.0.6",
    "webapi_port": null,
    "webapi_url": "https://mriqc.nimh.nih.gov/api/v1"
  },
  "size_t": 1758,
  "size_x": 70,
  "size_y": 70,
  "size_z": 41,
  "snr": 3.0467718852080394,
  "spacing_tr": 0.5,
  "spacing_x": 3.4000000953674316,
  "spacing_y": 3.4000000953674316,
  "spacing_z": 3.4000015258789062,
  "summary_bg_k": 20.2925799138418,
  "summary_bg_mad": 8.168648640145353,
  "summary_bg_mean": 44.057456970214844,
  "summary_bg_median": 5.509669780731201,
  "summary_bg_n": 130895.0,
  "summary_bg_p05": 0.0,
  "summary_bg_p95": 265.71296691894497,
  "summary_bg_stdv": 105.23815155029297,
  "summary_fg_k": 0.27741747624174007,
  "summary_fg_mad": 277.4195428903061,
  "summary_fg_mean": 935.9046630859375,
  "summary_fg_median": 884.93798828125,
  "summary_fg_n": 31751.0,
  "summary_fg_p05": 551.5767822265625,
  "summary_fg_p95": 1475.8978881835938,
  "summary_fg_stdv": 290.4464416503906,
  "tsnr": 75.40918869385496
}