{
  "aor": 0.005360636363636364,
  "aqi": 0.001790574225,
  "bids_meta": {
    "AcquisitionMatrixPE": 70,
    "AcquisitionNumber": 1,
    "AcquisitionTime": "14:50:10.000000",
    "BodyPartExamined": "HEAD",
    "CoilString": "RM:Nova32ch2",
    "ConversionSoftware": "dcm2niix",
    "ConversionSoftwareVersion": "v1.0.20201102",
    "DeviceSerialNumber": "00000650723PSYMR",
    "EchoTime": 0.025,
    "EffectiveEchoSpacing": 0.000452,
    "FlipAngle": 77,
    "ImageOrientationPatientDICOM": [
      1,
      0,
      0,
      0,
      1,
      0
    ],
    "ImageType": [
      "ORIGINAL",
      "PRIMARY",
      "OTHER"
    ],
    "ImagingFrequency": 127.8,
    "InPlanePhaseEncodingDirectionDICOM": "COL",
    "InstitutionName": "cni",
    "InternalPulseSequenceName": "EPI",
    "MRAcquisitionType": "2D",
    "MagneticFieldStrength": 3,
    "Manufacturer": "GE",
    "ManufacturersModelName": "SIGNA UHP",
    "PatientPosition": "HFS",
    "PercentPhaseFOV": 100,
    "PercentSampling": 100,
    "PhaseEncodingDirection": "j",
    "PhaseEncodingPolarityGE": "Flipped",
    "PixelBandwidth": 7142.86,
    "ProtocolName": "BOLD EPI 3.4mm 2sec CUE",
    "PulseSequenceName": "epi",
    "ReconMatrixPE": 70,
    "RepetitionTime": 2,
    "SAR": 0.179361,
    "ScanOptions": "MP_GEMS\\EPI_GEMS\\ACC_GEMS",
    "ScanningSequence": "EP\\RM",
    "SequenceVariant": "NONE",
    "SeriesDescription": "BOLD EPI 3.4mm 2sec CUE",
    "SeriesNumber": 7,
    "SliceThickness": 3.4,
    "SliceTiming": [
      0,
      1.02439,
      0.0487805,
      1.07317,
      0.097561,
      1.12195,
      0.146341,
      1.17073,
      0.195122,
      1.21951,
      0.243902,
      1.26829,
      0.292683,
      1.31707,
      0.341463,
      1.36585,
      0.390244,
      1.41463,
      0.439024,
      1.46341,
      0.487805,
      1.5122,
      0.536585,
      1.56098,
      0.585366,
      1.60976,
      0.634146,
      1.65854,
      0.682927,
      1.70732,
      0.731707,
      1.7561,
      0.780488,
      1.80488,
      0.829268,
      1.85366,
      0.878049,
      1.90244,
      0.926829,
      1.95122,
      0.97561
    ],
    "SoftwareVersions": "28\\LX\\MR Software release:RX28.0_R04_UHP3T_2035.a",
    "SpacingBetweenSlices": 3.4,
    "StationName": "CNIMRI",
    "TaskName": "MID",
    "TotalReadoutTime": 0.031188,
    "TriggerDelayTime": 882976,
    "dataset": "ds003858",
    "modality": "bold",
    "run_id": 1,
    "subject_id": "10",
    "task_id": "MID"
  },
  "dummy_trs": 2,
  "dvars_nstd": 10.394703204874716,
  "dvars_std": 1.1835343284282467,
  "dvars_vstd": 1.0012205134168566,
  "efc": 0.45069891716556015,
  "fber": 135242.53125,
  "fd_mean": 0.07234231310884251,
  "fd_num": 13,
  "fd_perc": 2.9545454545454546,
  "fwhm_avg": 3.0613171210409926,
  "fwhm_x": 3.445617550411854,
  "fwhm_y": 2.599923456485876,
  "fwhm_z": 3.1384103562252466,
  "gcor": 0.0890251,
  "gsr_x": 0.03801582381129265,
  "gsr_y": -0.017593663185834885,
  "provenance": {
    "md5sum": "7828b1e357d5e6e35361bc356b651c84",
    "settings": {
      "fd_thres": 0.2,
      "testing": false
    },
    "software": "mriqc",
    "version": "22.0.6",
    "webapi_port": null,
    "webapi_url": "https://mriqc.nimh.nih.gov/api/v1"
  },
  "size_t": 440,
  "size_x": 70,
  "size_y": 70,
  "size_z": 41,
  "snr": 3.1480673075906767,
  "spacing_tr": 2.0,
  "spacing_x": 3.4000000953674316,
  "spacing_y": 3.4000000953674316,
  "spacing_z": 3.4000015258789062,
  "summary_bg_k": 20.15094158267112,
  "summary_bg_mad": 9.515610538246303,
  "summary_bg_mean": 97.62332153320312,
  "summary_bg_median": 6.420454502105713,
  "summary_bg_n": 130750.0,
  "summary_bg_p05": 0.0,
  "summary_bg_p95": 649.9150756835936,
  "summary_bg_stdv": 258.0293273925781,
  "summary_fg_k": -0.1002314655918859,
  "summary_fg_mad": 742.9589017725167,
  "summary_fg_mean": 2306.176025390625,
  "summary_fg_median": 2218.356689453125,
  "summary_fg_n": 31817.0,
  "summary_fg_p05": 1335.7167724609376,
  "summary_fg_p95": 3555.176318359374,
  "summary_fg_stdv": 704.6614990234375,
  "tsnr": 83.98715007305145
}