{
  "aor": 0.002508463289698349,
  "aqi": 0.0020296325930563457,
  "bids_meta": {
    "AcquisitionMatrixPE": 70,
    "AcquisitionNumber": 4,
    "AcquisitionTime": "14:17:58.000000",
    "BodyPartExamined": "HEAD",
    "CoilString": "RM:Nova32ch2",
    "ConversionSoftware": "dcm2niix",
    "ConversionSoftwareVersion": "v1.0.20201102",
    "DeviceSerialNumber": "00000650723PSYMR",
    "EchoTime": 0.025,
    "EffectiveEchoSpacing": 0.000448,
    "FlipAngle": 42,
    "ImageOrientationPatientDICOM": [
      1,
      0,
      0,
      0,
      1,
      0
    ],
    "ImageType": [
      "ORIGINAL",
      "PRIMARY",
      "OTHER"
    ],
    "ImagingFrequency": 127.8,
    "InPlanePhaseEncodingDirectionDICOM": "COL",
    "InstitutionName": "cni",
    "InternalPulseSequenceName": "EPI",
    "MRAcquisitionType": "2D",
    "MagneticFieldStrength": 3,
    "Manufacturer": "GE",
    "ManufacturersModelName": "SIGNA UHP",
    "MultibandAccelerationFactor": 4,
    "PatientPosition": "HFS",
    "PercentPhaseFOV": 100,
    "PercentSampling": 100,
    "PhaseEncodingDirection": "j",
    "PhaseEncodingPolarityGE": "Flipped",
    "PixelBandwidth": 7142.86,
    "ProtocolName": "BOLD EPI multiband 4 3.4mm 1sec CUE",
    "PulseSequenceName": "epi",
    "ReconMatrixPE": 70,
    "RepetitionTime": 0.5,
    "SAR": 0.103984,
    "ScanOptions": "EDR_GEMS\\MP_GEMS\\EPI_GEMS\\HYPERBAND_GEMS",
    "ScanningSequence": "EP\\RM",
    "SequenceVariant": "NONE",
    "SeriesDescription": "BOLD EPI multiband 4 3.4mm 1sec CUE",
    "SeriesNumber": 5,
    "SliceThickness": 3.4,
    "SliceTiming": [
      0,
      0.25,
      0.0625,
      0.3125,
      0.125,
      0.4375,
      0.1875,
      0.375,
      0,
      0.25,
      0.0625,
      0.3125,
      0.125,
      0.4375,
      0.1875,
      0.375,
      0,
      0.25,
      0.0625,
      0.3125,
      0.125,
      0.4375,
      0.1875,
      0.375,
      0,
      0.25,
      0.0625,
      0.3125,
      0.125,
      0.4375,
      0.1875,
      0.375
    ],
    "SoftwareVersions": "28\\LX\\MR Software release:RX28.0_R04_UHP3T_2035.a",
    "SpacingBetweenSlices": 3.4,
    "StationName": "CNIMRI",
    "TaskName": "MID",
    "TotalReadoutTime": 0.030912,
    "TriggerDelayTime": 883875,
    "dataset": "ds003858",
    "modality": "bold",
    "run_id": 4,
    "subject_id": "11",
    "task_id": "MID"
  },
  "dummy_trs": 11,
  "dvars_nstd": 13.421546362038727,
  "dvars_std": 1.1509460317938496,
  "dvars_vstd": 1.0234495860535298,
  "efc": 0.4702906529408683,
  "fber": 109386.171875,
  "fd_mean": 0.06649557546948594,
  "fd_num": 57,
  "fd_perc": 3.244166192373364,
  "fwhm_avg": 2.7709642204026768,
  "fwhm_x": 3.0812057959274464,
  "fwhm_y": 2.324255817159321,
  "fwhm_z": 2.9074310481212624,
  "gcor": 0.0654043,
  "gsr_x": 0.016536811366677284,
  "gsr_y": 0.015805205330252647,
  "provenance": {
    "md5sum": "b17847e71873dbb000db9e76f0cd9c2c",
    "settings": {
      "fd_thres": 0.2,
      "testing": false
    },
    "software": "mriqc",
    "version": "22.0.6",
    "webapi_port": null,
    "webapi_url": "https://mriqc.nimh.nih.gov/api/v1"
  },
  "size_t": 1757,
  "size_x": 70,
  "size_y": 70,
  "size_z": 32,
  "snr": 3.5592479106304835,
  "spacing_tr": 0.5,
  "spacing_x": 3.4000000953674316,
  "spacing_y": 3.4000000953674316,
  "spacing_z": 3.4000015258789062,
  "summary_bg_k": 39.02125285078694,
  "summary_bg_mad": 3.933072739099285,
  "summary_bg_mean": 31.976734161376953,
  "summary_bg_median": 2.6528172492980957,
  "summary_bg_n": 95892.0,
  "summary_bg_p05": 0.0,
  "summary_bg_p95": 198.70273132324212,
  "summary_bg_stdv": 88.83480834960938,
  "summary_fg_k": 0.1075136763494231,
  "summary_fg_mad": 240.1832787242107,
  "summary_fg_mean": 881.9255981445312,
  "summary_fg_median": 854.0164794921875,
  "summary_fg_n": 27799.0,
  "summary_fg_p05": 532.315234375,
  "summary_fg_p95": 1309.4917236328122,
  "summary_fg_stdv": 239.9386444091797,
  "tsnr": 79.98650460969657
}