{
  "aor": 0.002809179954441913,
  "aqi": 0.002650087209567198,
  "bids_meta": {
    "AcquisitionMatrixPE": 70,
    "AcquisitionNumber": 1,
    "AcquisitionTime": "14:50:10.000000",
    "BodyPartExamined": "HEAD",
    "CoilString": "RM:Nova32ch2",
    "ConversionSoftware": "dcm2niix",
    "ConversionSoftwareVersion": "v1.0.20201102",
    "DeviceSerialNumber": "00000650723PSYMR",
    "EchoTime": 0.025,
    "EffectiveEchoSpacing": 0.000452,
    "FlipAngle": 77,
    "ImageOrientationPatientDICOM": [
      1,
      0,
      0,
      0,
      1,
      0
    ],
    "ImageType": [
      "ORIGINAL",
      "PRIMARY",
      "OTHER"
    ],
    "ImagingFrequency": 127.8,
    "InPlanePhaseEncodingDirectionDICOM": "COL",
    "InstitutionName": "cni",
    "InternalPulseSequenceName": "EPI",
    "MRAcquisitionType": "2D",
    "MagneticFieldStrength": 3,
    "Manufacturer": "GE",
    "ManufacturersModelName": "SIGNA UHP",
    "PatientPosition": "HFS",
    "PercentPhaseFOV": 100,
    "PercentSampling": 100,
    "PhaseEncodingDirection": "j",
    "PhaseEncodingPolarityGE": "Flipped",
    "PixelBandwidth": 7142.86,
    "ProtocolName": "BOLD EPI 3.4mm 2sec CUE",
    "PulseSequenceName": "epi",
    "ReconMatrixPE": 70,
    "RepetitionTime": 2,
    "SAR": 0.179361,
    "ScanOptions": "MP_GEMS\\EPI_GEMS\\ACC_GEMS",
    "ScanningSequence": "EP\\RM",
    "SequenceVariant": "NONE",
    "SeriesDescription": "BOLD EPI 3.4mm 2sec CUE",
    "SeriesNumber": 7,
    "SliceThickness": 3.4,
    "SliceTiming": [
      0,
      1.02439,
      0.0487805,
      1.07317,
      0.097561,
      1.12195,
      0.146341,
      1.17073,
      0.195122,
      1.21951,
      0.243902,
      1.26829,
      0.292683,
      1.31707,
      0.341463,
      1.36585,
      0.390244,
      1.41463,
      0.439024,
      1.46341,
      0.487805,
      1.5122,
      0.536585,
      1.56098,
      0.585366,
      1.60976,
      0.634146,
      1.65854,
      0.682927,
      1.70732,
      0.731707,
      1.7561,
      0.780488,
      1.80488,
      0.829268,
      1.85366,
      0.878049,
      1.90244,
      0.926829,
      1.95122,
      0.97561
    ],
    "SoftwareVersions": "28\\LX\\MR Software release:RX28.0_R04_UHP3T_2035.a",
    "SpacingBetweenSlices": 3.4,
    "StationName": "CNIMRI",
    "TaskName": "MID",
    "TotalReadoutTime": 0.031188,
    "TriggerDelayTime": 882976,
    "dataset": "ds003858",
    "modality": "bold",
    "run_id": 1,
    "subject_id": "11",
    "task_id": "MID"
  },
  "dummy_trs": 3,
  "dvars_nstd": 12.071688599680368,
  "dvars_std": 1.091271715616438,
  "dvars_vstd": 0.9098219703881281,
  "efc": 0.43899480385180245,
  "fber": 107171.90625,
  "fd_mean": 0.0986562789140801,
  "fd_num": 26,
  "fd_perc": 5.922551252847381,
  "fwhm_avg": 2.951265168297542,
  "fwhm_x": 3.2752646140136545,
  "fwhm_y": 2.4754440482127236,
  "fwhm_z": 3.1030868426662477,
  "gcor": 0.101667,
  "gsr_x": 0.01662762276828289,
  "gsr_y": 0.012587355449795723,
  "provenance": {
    "md5sum": "81bd5e6d86ec9f346e57b45c43ae589a",
    "settings": {
      "fd_thres": 0.2,
      "testing": false
    },
    "software": "mriqc",
    "version": "22.0.6",
    "webapi_port": null,
    "webapi_url": "https://mriqc.nimh.nih.gov/api/v1"
  },
  "size_t": 439,
  "size_x": 70,
  "size_y": 70,
  "size_z": 41,
  "snr": 3.4397645467198017,
  "spacing_tr": 2.0,
  "spacing_x": 3.4000000953674316,
  "spacing_y": 3.4000000953674316,
  "spacing_z": 3.4000015258789062,
  "summary_bg_k": 38.42726511763653,
  "summary_bg_mad": 10.368084400291778,
  "summary_bg_mean": 82.21826171875,
  "summary_bg_median": 7.004556179046631,
  "summary_bg_n": 132763.0,
  "summary_bg_p05": 0.0,
  "summary_bg_p95": 492.9528717041015,
  "summary_bg_stdv": 220.97723388671875,
  "summary_fg_k": 0.002789036077146534,
  "summary_fg_mad": 629.840804650756,
  "summary_fg_mean": 2227.922607421875,
  "summary_fg_median": 2161.23486328125,
  "summary_fg_n": 29770.0,
  "summary_fg_p05": 1321.9713745117188,
  "summary_fg_p95": 3356.392224121094,
  "summary_fg_stdv": 628.2984008789062,
  "tsnr": 76.82958405325189
}