{
  "aor": 0.0009548862343572241,
  "aqi": 0.002592821117178612,
  "bids_meta": {
    "AcquisitionMatrixPE": 70,
    "AcquisitionNumber": 1,
    "AcquisitionTime": "14:34:9.000000",
    "BodyPartExamined": "HEAD",
    "CoilString": "RM:Nova32ch2",
    "ConversionSoftware": "dcm2niix",
    "ConversionSoftwareVersion": "v1.0.20201102",
    "DeviceSerialNumber": "00000650723PSYMR",
    "EchoTime": 0.025,
    "EffectiveEchoSpacing": 0.000456,
    "FlipAngle": 42,
    "ImageOrientationPatientDICOM": [
      1,
      0,
      0,
      0,
      1,
      0
    ],
    "ImageType": [
      "ORIGINAL",
      "PRIMARY",
      "OTHER"
    ],
    "ImagingFrequency": 127.8,
    "InPlanePhaseEncodingDirectionDICOM": "COL",
    "InstitutionName": "cni",
    "InternalPulseSequenceName": "EPI",
    "MRAcquisitionType": "2D",
    "MagneticFieldStrength": 3,
    "Manufacturer": "GE",
    "ManufacturersModelName": "SIGNA UHP",
    "MultibandAccelerationFactor": 8,
    "PatientPosition": "HFS",
    "PercentPhaseFOV": 100,
    "PercentSampling": 100,
    "PhaseEncodingDirection": "j",
    "PhaseEncodingPolarityGE": "Flipped",
    "PixelBandwidth": 7142.86,
    "ProtocolName": "BOLD EPI multiband 8 3.4mm .5sec CUE",
    "PulseSequenceName": "epi",
    "ReconMatrixPE": 70,
    "RepetitionTime": 0.5,
    "SAR": 0.0785455,
    "ScanOptions": "EDR_GEMS\\MP_GEMS\\EPI_GEMS\\HYPERBAND_GEMS",
    "ScanningSequence": "EP\\RM",
    "SequenceVariant": "NONE",
    "SeriesDescription": "BOLD EPI multiband 8 3.4mm .5sec CUE",
    "SeriesNumber": 6,
    "SliceThickness": 3.4,
    "SliceTiming": [
      0,
      0.25,
      0.0833333,
      0.416667,
      0.166667,
      0.333333,
      0,
      0.25,
      0.0833333,
      0.416667,
      0.166667,
      0.333333,
      0,
      0.25,
      0.0833333,
      0.416667,
      0.166667,
      0.333333,
      0,
      0.25,
      0.0833333,
      0.416667,
      0.166667,
      0.333333,
      0,
      0.25,
      0.0833333,
      0.416667,
      0.166667,
      0.333333,
      0,
      0.25,
      0.0833333,
      0.416667,
      0.166667,
      0.333333,
      0,
      0.25,
      0.0833333,
      0.416667,
      0.166667
    ],
    "SoftwareVersions": "28\\LX\\MR Software release:RX28.0_R04_UHP3T_2035.a",
    "SpacingBetweenSlices": 3.4,
    "StationName": "CNIMRI",
    "TaskName": "MID",
    "TotalReadoutTime": 0.031464,
    "TriggerDelayTime": 883667,
    "dataset": "ds003858",
    "modality": "bold",
    "run_id": 8,
    "subject_id": "11",
    "task_id": "MID"
  },
  "dummy_trs": 10,
  "dvars_nstd": 14.028314354854867,
  "dvars_std": 1.0597900743312476,
  "dvars_vstd": 0.9591163292487204,
  "efc": 0.4471465455167009,
  "fber": 22299.30859375,
  "fd_mean": 0.0634129285646792,
  "fd_num": 36,
  "fd_perc": 2.04778156996587,
  "fwhm_avg": 2.7859514753627432,
  "fwhm_x": 3.070323443291511,
  "fwhm_y": 2.38351169785018,
  "fwhm_z": 2.9040192849465383,
  "gcor": 0.022549,
  "gsr_x": 0.02006719261407852,
  "gsr_y": 0.009422723203897476,
  "provenance": {
    "md5sum": "2f24168bb3eb8f2d90231a21dd1ee608",
    "settings": {
      "fd_thres": 0.2,
      "testing": false
    },
    "software": "mriqc",
    "version": "22.0.6",
    "webapi_port": null,
    "webapi_url": "https://mriqc.nimh.nih.gov/api/v1"
  },
  "size_t": 1758,
  "size_x": 70,
  "size_y": 70,
  "size_z": 41,
  "snr": 3.565541517032695,
  "spacing_tr": 0.5,
  "spacing_x": 3.4000000953674316,
  "spacing_y": 3.4000000953674316,
  "spacing_z": 3.4000015258789062,
  "summary_bg_k": 37.305731170121675,
  "summary_bg_mad": 9.173495536509034,
  "summary_bg_mean": 36.51892852783203,
  "summary_bg_median": 6.1874284744262695,
  "summary_bg_n": 133248.0,
  "summary_bg_p05": 0.0,
  "summary_bg_p95": 196.37152023315386,
  "summary_bg_stdv": 86.9597396850586,
  "summary_fg_k": 0.2365400663556545,
  "summary_fg_mad": 235.99346150503177,
  "summary_fg_mean": 893.28369140625,
  "summary_fg_median": 862.5807495117188,
  "summary_fg_n": 29577.0,
  "summary_fg_p05": 549.565625,
  "summary_fg_p95": 1334.6498535156247,
  "summary_fg_stdv": 241.91729736328125,
  "tsnr": 70.00280862115324
}