{
  "aor": 0.003317881548974943,
  "aqi": 0.002374081009111618,
  "bids_meta": {
    "AcquisitionMatrixPE": 70,
    "AcquisitionNumber": 1,
    "AcquisitionTime": "14:50:10.000000",
    "BodyPartExamined": "HEAD",
    "CoilString": "RM:Nova32ch2",
    "ConversionSoftware": "dcm2niix",
    "ConversionSoftwareVersion": "v1.0.20201102",
    "DeviceSerialNumber": "00000650723PSYMR",
    "EchoTime": 0.025,
    "EffectiveEchoSpacing": 0.000452,
    "FlipAngle": 77,
    "ImageOrientationPatientDICOM": [
      1,
      0,
      0,
      0,
      1,
      0
    ],
    "ImageType": [
      "ORIGINAL",
      "PRIMARY",
      "OTHER"
    ],
    "ImagingFrequency": 127.8,
    "InPlanePhaseEncodingDirectionDICOM": "COL",
    "InstitutionName": "cni",
    "InternalPulseSequenceName": "EPI",
    "MRAcquisitionType": "2D",
    "MagneticFieldStrength": 3,
    "Manufacturer": "GE",
    "ManufacturersModelName": "SIGNA UHP",
    "PatientPosition": "HFS",
    "PercentPhaseFOV": 100,
    "PercentSampling": 100,
    "PhaseEncodingDirection": "j",
    "PhaseEncodingPolarityGE": "Flipped",
    "PixelBandwidth": 7142.86,
    "ProtocolName": "BOLD EPI 3.4mm 2sec CUE",
    "PulseSequenceName": "epi",
    "ReconMatrixPE": 70,
    "RepetitionTime": 2,
    "SAR": 0.179361,
    "ScanOptions": "MP_GEMS\\EPI_GEMS\\ACC_GEMS",
    "ScanningSequence": "EP\\RM",
    "SequenceVariant": "NONE",
    "SeriesDescription": "BOLD EPI 3.4mm 2sec CUE",
    "SeriesNumber": 7,
    "SliceThickness": 3.4,
    "SliceTiming": [
      0,
      1.02439,
      0.0487805,
      1.07317,
      0.097561,
      1.12195,
      0.146341,
      1.17073,
      0.195122,
      1.21951,
      0.243902,
      1.26829,
      0.292683,
      1.31707,
      0.341463,
      1.36585,
      0.390244,
      1.41463,
      0.439024,
      1.46341,
      0.487805,
      1.5122,
      0.536585,
      1.56098,
      0.585366,
      1.60976,
      0.634146,
      1.65854,
      0.682927,
      1.70732,
      0.731707,
      1.7561,
      0.780488,
      1.80488,
      0.829268,
      1.85366,
      0.878049,
      1.90244,
      0.926829,
      1.95122,
      0.97561
    ],
    "SoftwareVersions": "28\\LX\\MR Software release:RX28.0_R04_UHP3T_2035.a",
    "SpacingBetweenSlices": 3.4,
    "StationName": "CNIMRI",
    "TaskName": "MID",
    "TotalReadoutTime": 0.031188,
    "TriggerDelayTime": 882976,
    "dataset": "ds003858",
    "modality": "bold",
    "run_id": 1,
    "subject_id": "07",
    "task_id": "MID"
  },
  "dummy_trs": 3,
  "dvars_nstd": 12.860799891940637,
  "dvars_std": 1.2388966308447484,
  "dvars_vstd": 0.9891806471461194,
  "efc": 0.3918777361365259,
  "fber": 191593.78125,
  "fd_mean": 0.13890309881161414,
  "fd_num": 69,
  "fd_perc": 15.71753986332574,
  "fwhm_avg": 2.9057230180456988,
  "fwhm_x": 3.064911678737425,
  "fwhm_y": 2.5871999274309965,
  "fwhm_z": 3.065057447968675,
  "gcor": 0.0737929,
  "gsr_x": 0.016825174912810326,
  "gsr_y": -0.021977072581648827,
  "provenance": {
    "md5sum": "23360ad2fbbb8602e757db809b2ed5f8",
    "settings": {
      "fd_thres": 0.2,
      "testing": false
    },
    "software": "mriqc",
    "version": "22.0.6",
    "webapi_port": null,
    "webapi_url": "https://mriqc.nimh.nih.gov/api/v1"
  },
  "size_t": 439,
  "size_x": 70,
  "size_y": 70,
  "size_z": 41,
  "snr": 4.175390051438428,
  "spacing_tr": 2.0,
  "spacing_x": 3.4000000953674316,
  "spacing_y": 3.4000000953674316,
  "spacing_z": 3.4000015258789062,
  "summary_bg_k": 32.39205960385812,
  "summary_bg_mad": 6.9165589991791325,
  "summary_bg_mean": 59.38173294067383,
  "summary_bg_median": 4.669703960418701,
  "summary_bg_n": 143346.0,
  "summary_bg_p05": 0.0,
  "summary_bg_p95": 338.43054962158203,
  "summary_bg_stdv": 164.13314819335938,
  "summary_fg_k": 1.0450609023178403,
  "summary_fg_mad": 422.59556482550215,
  "summary_fg_mean": 1914.61474609375,
  "summary_fg_median": 1881.2847900390625,
  "summary_fg_n": 22557.0,
  "summary_fg_p05": 1236.90712890625,
  "summary_fg_p95": 2687.0826171875005,
  "summary_fg_stdv": 450.5550537109375,
  "tsnr": 89.0160920061171
}