{
  "aor": 0.0004757094017094017,
  "aqi": 0.005796860273504274,
  "bids_meta": {
    "AcquisitionMatrixPE": 70,
    "AcquisitionNumber": 4,
    "AcquisitionTime": "14:17:58.000000",
    "BodyPartExamined": "HEAD",
    "CoilString": "RM:Nova32ch2",
    "ConversionSoftware": "dcm2niix",
    "ConversionSoftwareVersion": "v1.0.20201102",
    "DeviceSerialNumber": "00000650723PSYMR",
    "EchoTime": 0.025,
    "EffectiveEchoSpacing": 0.000448,
    "FlipAngle": 42,
    "ImageOrientationPatientDICOM": [
      1,
      0,
      0,
      0,
      1,
      0
    ],
    "ImageType": [
      "ORIGINAL",
      "PRIMARY",
      "OTHER"
    ],
    "ImagingFrequency": 127.8,
    "InPlanePhaseEncodingDirectionDICOM": "COL",
    "InstitutionName": "cni",
    "InternalPulseSequenceName": "EPI",
    "MRAcquisitionType": "2D",
    "MagneticFieldStrength": 3,
    "Manufacturer": "GE",
    "ManufacturersModelName": "SIGNA UHP",
    "MultibandAccelerationFactor": 4,
    "PatientPosition": "HFS",
    "PercentPhaseFOV": 100,
    "PercentSampling": 100,
    "PhaseEncodingDirection": "j",
    "PhaseEncodingPolarityGE": "Flipped",
    "PixelBandwidth": 7142.86,
    "ProtocolName": "BOLD EPI multiband 4 3.4mm 1sec CUE",
    "PulseSequenceName": "epi",
    "ReconMatrixPE": 70,
    "RepetitionTime": 0.5,
    "SAR": 0.103984,
    "ScanOptions": "EDR_GEMS\\MP_GEMS\\EPI_GEMS\\HYPERBAND_GEMS",
    "ScanningSequence": "EP\\RM",
    "SequenceVariant": "NONE",
    "SeriesDescription": "BOLD EPI multiband 4 3.4mm 1sec CUE",
    "SeriesNumber": 5,
    "SliceThickness": 3.4,
    "SliceTiming": [
      0,
      0.25,
      0.0625,
      0.3125,
      0.125,
      0.4375,
      0.1875,
      0.375,
      0,
      0.25,
      0.0625,
      0.3125,
      0.125,
      0.4375,
      0.1875,
      0.375,
      0,
      0.25,
      0.0625,
      0.3125,
      0.125,
      0.4375,
      0.1875,
      0.375,
      0,
      0.25,
      0.0625,
      0.3125,
      0.125,
      0.4375,
      0.1875,
      0.375
    ],
    "SoftwareVersions": "28\\LX\\MR Software release:RX28.0_R04_UHP3T_2035.a",
    "SpacingBetweenSlices": 3.4,
    "StationName": "CNIMRI",
    "TaskName": "MID",
    "TotalReadoutTime": 0.030912,
    "TriggerDelayTime": 883875,
    "dataset": "ds003858",
    "modality": "bold",
    "run_id": 4,
    "subject_id": "07",
    "task_id": "MID"
  },
  "dummy_trs": 13,
  "dvars_nstd": 14.188008535706949,
  "dvars_std": 1.0498869170809555,
  "dvars_vstd": 0.9257147316020542,
  "efc": 0.42363057669871435,
  "fber": 100570.1484375,
  "fd_mean": 0.13131215592772746,
  "fd_num": 269,
  "fd_perc": 15.327635327635328,
  "fwhm_avg": 2.6989495297626065,
  "fwhm_x": 2.859058743334974,
  "fwhm_y": 2.4246381672848485,
  "fwhm_z": 2.8131516786679978,
  "gcor": 0.0162484,
  "gsr_x": 0.01619287207722664,
  "gsr_y": -0.02373545616865158,
  "provenance": {
    "md5sum": "7db737ec3511050b8863e895788c0783",
    "settings": {
      "fd_thres": 0.2,
      "testing": false
    },
    "software": "mriqc",
    "version": "22.0.6",
    "webapi_port": null,
    "webapi_url": "https://mriqc.nimh.nih.gov/api/v1"
  },
  "size_t": 1755,
  "size_x": 70,
  "size_y": 70,
  "size_z": 32,
  "snr": 4.135119222959109,
  "spacing_tr": 0.5,
  "spacing_x": 3.4000000953674316,
  "spacing_y": 3.4000000953674316,
  "spacing_z": 3.4000015258789062,
  "summary_bg_k": 34.721416927597026,
  "summary_bg_mad": 3.705238409141186,
  "summary_bg_mean": 24.785015106201172,
  "summary_bg_median": 2.500854730606079,
  "summary_bg_n": 104676.0,
  "summary_bg_p05": 0.0,
  "summary_bg_p95": 139.84344482421875,
  "summary_bg_stdv": 69.2870864868164,
  "summary_fg_k": 1.0045842060717671,
  "summary_fg_mad": 162.91091799811898,
  "summary_fg_mean": 761.8793334960938,
  "summary_fg_median": 744.68798828125,
  "summary_fg_n": 21778.0,
  "summary_fg_p05": 495.5813262939453,
  "summary_fg_p95": 1083.197485351562,
  "summary_fg_stdv": 180.08450317382812,
  "tsnr": 52.24030977021903
}