{
  "aor": 0.0016923422399090396,
  "aqi": 0.0025451683229107446,
  "bids_meta": {
    "AcquisitionMatrixPE": 70,
    "AcquisitionNumber": 1,
    "AcquisitionTime": "14:34:9.000000",
    "BodyPartExamined": "HEAD",
    "CoilString": "RM:Nova32ch2",
    "ConversionSoftware": "dcm2niix",
    "ConversionSoftwareVersion": "v1.0.20201102",
    "DeviceSerialNumber": "00000650723PSYMR",
    "EchoTime": 0.025,
    "EffectiveEchoSpacing": 0.000456,
    "FlipAngle": 42,
    "ImageOrientationPatientDICOM": [
      1,
      0,
      0,
      0,
      1,
      0
    ],
    "ImageType": [
      "ORIGINAL",
      "PRIMARY",
      "OTHER"
    ],
    "ImagingFrequency": 127.8,
    "InPlanePhaseEncodingDirectionDICOM": "COL",
    "InstitutionName": "cni",
    "InternalPulseSequenceName": "EPI",
    "MRAcquisitionType": "2D",
    "MagneticFieldStrength": 3,
    "Manufacturer": "GE",
    "ManufacturersModelName": "SIGNA UHP",
    "MultibandAccelerationFactor": 8,
    "PatientPosition": "HFS",
    "PercentPhaseFOV": 100,
    "PercentSampling": 100,
    "PhaseEncodingDirection": "j",
    "PhaseEncodingPolarityGE": "Flipped",
    "PixelBandwidth": 7142.86,
    "ProtocolName": "BOLD EPI multiband 8 3.4mm .5sec CUE",
    "PulseSequenceName": "epi",
    "ReconMatrixPE": 70,
    "RepetitionTime": 0.5,
    "SAR": 0.0785455,
    "ScanOptions": "EDR_GEMS\\MP_GEMS\\EPI_GEMS\\HYPERBAND_GEMS",
    "ScanningSequence": "EP\\RM",
    "SequenceVariant": "NONE",
    "SeriesDescription": "BOLD EPI multiband 8 3.4mm .5sec CUE",
    "SeriesNumber": 6,
    "SliceThickness": 3.4,
    "SliceTiming": [
      0,
      0.25,
      0.0833333,
      0.416667,
      0.166667,
      0.333333,
      0,
      0.25,
      0.0833333,
      0.416667,
      0.166667,
      0.333333,
      0,
      0.25,
      0.0833333,
      0.416667,
      0.166667,
      0.333333,
      0,
      0.25,
      0.0833333,
      0.416667,
      0.166667,
      0.333333,
      0,
      0.25,
      0.0833333,
      0.416667,
      0.166667,
      0.333333,
      0,
      0.25,
      0.0833333,
      0.416667,
      0.166667,
      0.333333,
      0,
      0.25,
      0.0833333,
      0.416667,
      0.166667
    ],
    "SoftwareVersions": "28\\LX\\MR Software release:RX28.0_R04_UHP3T_2035.a",
    "SpacingBetweenSlices": 3.4,
    "StationName": "CNIMRI",
    "TaskName": "MID",
    "TotalReadoutTime": 0.031464,
    "TriggerDelayTime": 883667,
    "dataset": "ds003858",
    "modality": "bold",
    "run_id": 8,
    "subject_id": "07",
    "task_id": "MID"
  },
  "dummy_trs": 9,
  "dvars_nstd": 15.35285689532424,
  "dvars_std": 1.123909839010239,
  "dvars_vstd": 1.0006782259556324,
  "efc": 0.40305743579920067,
  "fber": 44316.55078125,
  "fd_mean": 0.11313305031641924,
  "fd_num": 117,
  "fd_perc": 6.651506537805571,
  "fwhm_avg": 2.8204700994250183,
  "fwhm_x": 2.998529327658223,
  "fwhm_y": 2.54160286988643,
  "fwhm_z": 2.921278100730402,
  "gcor": 0.0417732,
  "gsr_x": 0.019985921680927277,
  "gsr_y": -0.02717725932598114,
  "provenance": {
    "md5sum": "6717d049b43a8dd8cea092bb5ac4ed82",
    "settings": {
      "fd_thres": 0.2,
      "testing": false
    },
    "software": "mriqc",
    "version": "22.0.6",
    "webapi_port": null,
    "webapi_url": "https://mriqc.nimh.nih.gov/api/v1"
  },
  "size_t": 1759,
  "size_x": 70,
  "size_y": 70,
  "size_z": 41,
  "snr": 3.9056333689428806,
  "spacing_tr": 0.5,
  "spacing_x": 3.4000000953674316,
  "spacing_y": 3.4000000953674316,
  "spacing_z": 3.4000015258789062,
  "summary_bg_k": 33.68598530060019,
  "summary_bg_mad": 6.003316934187939,
  "summary_bg_mean": 29.095590591430664,
  "summary_bg_median": 4.04917573928833,
  "summary_bg_n": 143626.0,
  "summary_bg_p05": 0.0,
  "summary_bg_p95": 151.52202987670898,
  "summary_bg_stdv": 70.63436126708984,
  "summary_fg_k": 1.145143844503358,
  "summary_fg_mad": 172.21025627240107,
  "summary_fg_mean": 786.6106567382812,
  "summary_fg_median": 763.4025268554688,
  "summary_fg_n": 22457.0,
  "summary_fg_p05": 505.0790283203125,
  "summary_fg_p95": 1152.6518798828124,
  "summary_fg_stdv": 195.45755004882812,
  "tsnr": 73.45657057128847
}