{
  "aor": 0.0014020366132723114,
  "aqi": 0.002034229720823799,
  "bids_meta": {
    "AcquisitionMatrixPE": 70,
    "AcquisitionNumber": 1,
    "AcquisitionTime": "14:50:10.000000",
    "BodyPartExamined": "HEAD",
    "CoilString": "RM:Nova32ch2",
    "ConversionSoftware": "dcm2niix",
    "ConversionSoftwareVersion": "v1.0.20201102",
    "DeviceSerialNumber": "00000650723PSYMR",
    "EchoTime": 0.025,
    "EffectiveEchoSpacing": 0.000452,
    "FlipAngle": 77,
    "ImageOrientationPatientDICOM": [
      1,
      0,
      0,
      0,
      1,
      0
    ],
    "ImageType": [
      "ORIGINAL",
      "PRIMARY",
      "OTHER"
    ],
    "ImagingFrequency": 127.8,
    "InPlanePhaseEncodingDirectionDICOM": "COL",
    "InstitutionName": "cni",
    "InternalPulseSequenceName": "EPI",
    "MRAcquisitionType": "2D",
    "MagneticFieldStrength": 3,
    "Manufacturer": "GE",
    "ManufacturersModelName": "SIGNA UHP",
    "PatientPosition": "HFS",
    "PercentPhaseFOV": 100,
    "PercentSampling": 100,
    "PhaseEncodingDirection": "j",
    "PhaseEncodingPolarityGE": "Flipped",
    "PixelBandwidth": 7142.86,
    "ProtocolName": "BOLD EPI 3.4mm 2sec CUE",
    "PulseSequenceName": "epi",
    "ReconMatrixPE": 70,
    "RepetitionTime": 2,
    "SAR": 0.179361,
    "ScanOptions": "MP_GEMS\\EPI_GEMS\\ACC_GEMS",
    "ScanningSequence": "EP\\RM",
    "SequenceVariant": "NONE",
    "SeriesDescription": "BOLD EPI 3.4mm 2sec CUE",
    "SeriesNumber": 7,
    "SliceThickness": 3.4,
    "SliceTiming": [
      0,
      1.02439,
      0.0487805,
      1.07317,
      0.097561,
      1.12195,
      0.146341,
      1.17073,
      0.195122,
      1.21951,
      0.243902,
      1.26829,
      0.292683,
      1.31707,
      0.341463,
      1.36585,
      0.390244,
      1.41463,
      0.439024,
      1.46341,
      0.487805,
      1.5122,
      0.536585,
      1.56098,
      0.585366,
      1.60976,
      0.634146,
      1.65854,
      0.682927,
      1.70732,
      0.731707,
      1.7561,
      0.780488,
      1.80488,
      0.829268,
      1.85366,
      0.878049,
      1.90244,
      0.926829,
      1.95122,
      0.97561
    ],
    "SoftwareVersions": "28\\LX\\MR Software release:RX28.0_R04_UHP3T_2035.a",
    "SpacingBetweenSlices": 3.4,
    "StationName": "CNIMRI",
    "TaskName": "MID",
    "TotalReadoutTime": 0.031188,
    "TriggerDelayTime": 882976,
    "dataset": "ds003858",
    "modality": "bold",
    "run_id": 1,
    "subject_id": "03",
    "task_id": "MID"
  },
  "dummy_trs": 5,
  "dvars_nstd": 12.442571059266049,
  "dvars_std": 1.1802503044036694,
  "dvars_vstd": 0.9304537891513756,
  "efc": 0.45708564735271123,
  "fber": 77967.515625,
  "fd_mean": 0.0946528185482971,
  "fd_num": 18,
  "fd_perc": 4.118993135011442,
  "fwhm_avg": 3.130187700501331,
  "fwhm_x": 3.6019410754388623,
  "fwhm_y": 2.601417574091026,
  "fwhm_z": 3.1872044519741047,
  "gcor": 0.138369,
  "gsr_x": 0.02486760914325714,
  "gsr_y": 0.01873546466231346,
  "provenance": {
    "md5sum": "669715e268cb97bc024953cc2dba0e39",
    "settings": {
      "fd_thres": 0.2,
      "testing": false
    },
    "software": "mriqc",
    "version": "22.0.6",
    "webapi_port": null,
    "webapi_url": "https://mriqc.nimh.nih.gov/api/v1"
  },
  "size_t": 437,
  "size_x": 70,
  "size_y": 70,
  "size_z": 41,
  "snr": 3.3277705408086735,
  "spacing_tr": 2.0,
  "spacing_x": 3.4000000953674316,
  "spacing_y": 3.4000000953674316,
  "spacing_z": 3.4000015258789062,
  "summary_bg_k": 32.286475778810114,
  "summary_bg_mad": 11.823497428442838,
  "summary_bg_mean": 104.09644317626953,
  "summary_bg_median": 7.986269474029541,
  "summary_bg_n": 130397.0,
  "summary_bg_p05": 0.0,
  "summary_bg_p95": 608.6516723632811,
  "summary_bg_stdv": 277.1120300292969,
  "summary_fg_k": 0.2603137529710797,
  "summary_fg_mad": 656.0091319671553,
  "summary_fg_mean": 2239.17919921875,
  "summary_fg_median": 2156.892333984375,
  "summary_fg_n": 31041.0,
  "summary_fg_p05": 1339.0113525390625,
  "summary_fg_p95": 3418.352294921875,
  "summary_fg_stdv": 648.138916015625,
  "tsnr": 90.97374546923675
}