{
  "aor": 0.003186159090909091,
  "aqi": 0.002657030045454546,
  "bids_meta": {
    "AcquisitionMatrixPE": 70,
    "AcquisitionNumber": 1,
    "AcquisitionTime": "14:50:10.000000",
    "BodyPartExamined": "HEAD",
    "CoilString": "RM:Nova32ch2",
    "ConversionSoftware": "dcm2niix",
    "ConversionSoftwareVersion": "v1.0.20201102",
    "DeviceSerialNumber": "00000650723PSYMR",
    "EchoTime": 0.025,
    "EffectiveEchoSpacing": 0.000452,
    "FlipAngle": 77,
    "ImageOrientationPatientDICOM": [
      1,
      0,
      0,
      0,
      1,
      0
    ],
    "ImageType": [
      "ORIGINAL",
      "PRIMARY",
      "OTHER"
    ],
    "ImagingFrequency": 127.8,
    "InPlanePhaseEncodingDirectionDICOM": "COL",
    "InstitutionName": "cni",
    "InternalPulseSequenceName": "EPI",
    "MRAcquisitionType": "2D",
    "MagneticFieldStrength": 3,
    "Manufacturer": "GE",
    "ManufacturersModelName": "SIGNA UHP",
    "PatientPosition": "HFS",
    "PercentPhaseFOV": 100,
    "PercentSampling": 100,
    "PhaseEncodingDirection": "j",
    "PhaseEncodingPolarityGE": "Flipped",
    "PixelBandwidth": 7142.86,
    "ProtocolName": "BOLD EPI 3.4mm 2sec CUE",
    "PulseSequenceName": "epi",
    "ReconMatrixPE": 70,
    "RepetitionTime": 2,
    "SAR": 0.179361,
    "ScanOptions": "MP_GEMS\\EPI_GEMS\\ACC_GEMS",
    "ScanningSequence": "EP\\RM",
    "SequenceVariant": "NONE",
    "SeriesDescription": "BOLD EPI 3.4mm 2sec CUE",
    "SeriesNumber": 7,
    "SliceThickness": 3.4,
    "SliceTiming": [
      0,
      1.02439,
      0.0487805,
      1.07317,
      0.097561,
      1.12195,
      0.146341,
      1.17073,
      0.195122,
      1.21951,
      0.243902,
      1.26829,
      0.292683,
      1.31707,
      0.341463,
      1.36585,
      0.390244,
      1.41463,
      0.439024,
      1.46341,
      0.487805,
      1.5122,
      0.536585,
      1.56098,
      0.585366,
      1.60976,
      0.634146,
      1.65854,
      0.682927,
      1.70732,
      0.731707,
      1.7561,
      0.780488,
      1.80488,
      0.829268,
      1.85366,
      0.878049,
      1.90244,
      0.926829,
      1.95122,
      0.97561
    ],
    "SoftwareVersions": "28\\LX\\MR Software release:RX28.0_R04_UHP3T_2035.a",
    "SpacingBetweenSlices": 3.4,
    "StationName": "CNIMRI",
    "TaskName": "MID",
    "TotalReadoutTime": 0.031188,
    "TriggerDelayTime": 882976,
    "dataset": "ds003858",
    "modality": "bold",
    "run_id": 1,
    "subject_id": "12",
    "task_id": "MID"
  },
  "dummy_trs": 2,
  "dvars_nstd": 13.366139653075177,
  "dvars_std": 1.22206346261959,
  "dvars_vstd": 0.9902238918451026,
  "efc": 0.3900241328323877,
  "fber": 200414.515625,
  "fd_mean": 0.1411748406830771,
  "fd_num": 89,
  "fd_perc": 20.227272727272727,
  "fwhm_avg": 2.7337328750493395,
  "fwhm_x": 2.974529328331405,
  "fwhm_y": 2.505705812069786,
  "fwhm_z": 2.7209634847468274,
  "gcor": 0.10187,
  "gsr_x": 0.005150629207491875,
  "gsr_y": 0.0026363269425928593,
  "provenance": {
    "md5sum": "f1e58f8c6aec620904f44a9a5bb345fe",
    "settings": {
      "fd_thres": 0.2,
      "testing": false
    },
    "software": "mriqc",
    "version": "22.0.6",
    "webapi_port": null,
    "webapi_url": "https://mriqc.nimh.nih.gov/api/v1"
  },
  "size_t": 440,
  "size_x": 70,
  "size_y": 70,
  "size_z": 41,
  "snr": 4.292158295328347,
  "spacing_tr": 2.0,
  "spacing_x": 3.4000000953674316,
  "spacing_y": 3.4000000953674316,
  "spacing_z": 3.4000015258789062,
  "summary_bg_k": 40.8596589884657,
  "summary_bg_mad": 7.450076109535901,
  "summary_bg_mean": 69.25859832763672,
  "summary_bg_median": 5.027272701263428,
  "summary_bg_n": 144633.0,
  "summary_bg_p05": 0.0,
  "summary_bg_p95": 401.8599975585934,
  "summary_bg_stdv": 192.2063446044922,
  "summary_fg_k": -0.013547012906705458,
  "summary_fg_mad": 482.718414849481,
  "summary_fg_mean": 2096.087890625,
  "summary_fg_median": 2056.356689453125,
  "summary_fg_n": 21507.0,
  "summary_fg_p05": 1373.0488159179688,
  "summary_fg_p95": 2933.50791015625,
  "summary_fg_stdv": 479.0850524902344,
  "tsnr": 91.98046087659895
}