{
  "aor": 0.0008903752131893121,
  "aqi": 0.003365557246162592,
  "bids_meta": {
    "AcquisitionMatrixPE": 70,
    "AcquisitionNumber": 4,
    "AcquisitionTime": "14:17:58.000000",
    "BodyPartExamined": "HEAD",
    "CoilString": "RM:Nova32ch2",
    "ConversionSoftware": "dcm2niix",
    "ConversionSoftwareVersion": "v1.0.20201102",
    "DeviceSerialNumber": "00000650723PSYMR",
    "EchoTime": 0.025,
    "EffectiveEchoSpacing": 0.000448,
    "FlipAngle": 42,
    "ImageOrientationPatientDICOM": [
      1,
      0,
      0,
      0,
      1,
      0
    ],
    "ImageType": [
      "ORIGINAL",
      "PRIMARY",
      "OTHER"
    ],
    "ImagingFrequency": 127.8,
    "InPlanePhaseEncodingDirectionDICOM": "COL",
    "InstitutionName": "cni",
    "InternalPulseSequenceName": "EPI",
    "MRAcquisitionType": "2D",
    "MagneticFieldStrength": 3,
    "Manufacturer": "GE",
    "ManufacturersModelName": "SIGNA UHP",
    "MultibandAccelerationFactor": 4,
    "PatientPosition": "HFS",
    "PercentPhaseFOV": 100,
    "PercentSampling": 100,
    "PhaseEncodingDirection": "j",
    "PhaseEncodingPolarityGE": "Flipped",
    "PixelBandwidth": 7142.86,
    "ProtocolName": "BOLD EPI multiband 4 3.4mm 1sec CUE",
    "PulseSequenceName": "epi",
    "ReconMatrixPE": 70,
    "RepetitionTime": 0.5,
    "SAR": 0.103984,
    "ScanOptions": "EDR_GEMS\\MP_GEMS\\EPI_GEMS\\HYPERBAND_GEMS",
    "ScanningSequence": "EP\\RM",
    "SequenceVariant": "NONE",
    "SeriesDescription": "BOLD EPI multiband 4 3.4mm 1sec CUE",
    "SeriesNumber": 5,
    "SliceThickness": 3.4,
    "SliceTiming": [
      0,
      0.25,
      0.0625,
      0.3125,
      0.125,
      0.4375,
      0.1875,
      0.375,
      0,
      0.25,
      0.0625,
      0.3125,
      0.125,
      0.4375,
      0.1875,
      0.375,
      0,
      0.25,
      0.0625,
      0.3125,
      0.125,
      0.4375,
      0.1875,
      0.375,
      0,
      0.25,
      0.0625,
      0.3125,
      0.125,
      0.4375,
      0.1875,
      0.375
    ],
    "SoftwareVersions": "28\\LX\\MR Software release:RX28.0_R04_UHP3T_2035.a",
    "SpacingBetweenSlices": 3.4,
    "StationName": "CNIMRI",
    "TaskName": "MID",
    "TotalReadoutTime": 0.030912,
    "TriggerDelayTime": 883875,
    "dataset": "ds003858",
    "modality": "bold",
    "run_id": 4,
    "subject_id": "12",
    "task_id": "MID"
  },
  "dummy_trs": 9,
  "dvars_nstd": 13.673892833759947,
  "dvars_std": 1.079049307172922,
  "dvars_vstd": 0.9595469972582465,
  "efc": 0.4157989523466093,
  "fber": 150561.28125,
  "fd_mean": 0.09286005167186599,
  "fd_num": 64,
  "fd_perc": 3.6384309266628767,
  "fwhm_avg": 2.6929064175820407,
  "fwhm_x": 2.98508815156465,
  "fwhm_y": 2.4580587545827206,
  "fwhm_z": 2.6355723465987504,
  "gcor": 0.102849,
  "gsr_x": 0.005884502083063126,
  "gsr_y": 0.0029985634610056877,
  "provenance": {
    "md5sum": "46d26cc09c18e966d9b982faf0a6a88d",
    "settings": {
      "fd_thres": 0.2,
      "testing": false
    },
    "software": "mriqc",
    "version": "22.0.6",
    "webapi_port": null,
    "webapi_url": "https://mriqc.nimh.nih.gov/api/v1"
  },
  "size_t": 1759,
  "size_x": 70,
  "size_y": 70,
  "size_z": 32,
  "snr": 3.922775635717713,
  "spacing_tr": 0.5,
  "spacing_x": 3.4000000953674316,
  "spacing_y": 3.4000000953674316,
  "spacing_z": 3.4000015258789062,
  "summary_bg_k": 52.476047836103845,
  "summary_bg_mad": 3.4136096149082253,
  "summary_bg_mean": 27.37175178527832,
  "summary_bg_median": 2.3024446964263916,
  "summary_bg_n": 105530.0,
  "summary_bg_p05": 0.0,
  "summary_bg_p95": 151.43024902343686,
  "summary_bg_stdv": 80.0899429321289,
  "summary_fg_k": 0.20950466182543526,
  "summary_fg_mad": 197.44824707705382,
  "summary_fg_mean": 869.3768920898438,
  "summary_fg_median": 832.5111083984375,
  "summary_fg_n": 20795.0,
  "summary_fg_p05": 574.0758178710937,
  "summary_fg_p95": 1268.852600097656,
  "summary_fg_stdv": 212.21990966796875,
  "tsnr": 69.8923596914392
}