{
  "aor": 0.0019308465909090907,
  "aqi": 0.0047100882727272725,
  "bids_meta": {
    "AcquisitionMatrixPE": 70,
    "AcquisitionNumber": 1,
    "AcquisitionTime": "14:34:9.000000",
    "BodyPartExamined": "HEAD",
    "CoilString": "RM:Nova32ch2",
    "ConversionSoftware": "dcm2niix",
    "ConversionSoftwareVersion": "v1.0.20201102",
    "DeviceSerialNumber": "00000650723PSYMR",
    "EchoTime": 0.025,
    "EffectiveEchoSpacing": 0.000456,
    "FlipAngle": 42,
    "ImageOrientationPatientDICOM": [
      1,
      0,
      0,
      0,
      1,
      0
    ],
    "ImageType": [
      "ORIGINAL",
      "PRIMARY",
      "OTHER"
    ],
    "ImagingFrequency": 127.8,
    "InPlanePhaseEncodingDirectionDICOM": "COL",
    "InstitutionName": "cni",
    "InternalPulseSequenceName": "EPI",
    "MRAcquisitionType": "2D",
    "MagneticFieldStrength": 3,
    "Manufacturer": "GE",
    "ManufacturersModelName": "SIGNA UHP",
    "MultibandAccelerationFactor": 8,
    "PatientPosition": "HFS",
    "PercentPhaseFOV": 100,
    "PercentSampling": 100,
    "PhaseEncodingDirection": "j",
    "PhaseEncodingPolarityGE": "Flipped",
    "PixelBandwidth": 7142.86,
    "ProtocolName": "BOLD EPI multiband 8 3.4mm .5sec CUE",
    "PulseSequenceName": "epi",
    "ReconMatrixPE": 70,
    "RepetitionTime": 0.5,
    "SAR": 0.0785455,
    "ScanOptions": "EDR_GEMS\\MP_GEMS\\EPI_GEMS\\HYPERBAND_GEMS",
    "ScanningSequence": "EP\\RM",
    "SequenceVariant": "NONE",
    "SeriesDescription": "BOLD EPI multiband 8 3.4mm .5sec CUE",
    "SeriesNumber": 6,
    "SliceThickness": 3.4,
    "SliceTiming": [
      0,
      0.25,
      0.0833333,
      0.416667,
      0.166667,
      0.333333,
      0,
      0.25,
      0.0833333,
      0.416667,
      0.166667,
      0.333333,
      0,
      0.25,
      0.0833333,
      0.416667,
      0.166667,
      0.333333,
      0,
      0.25,
      0.0833333,
      0.416667,
      0.166667,
      0.333333,
      0,
      0.25,
      0.0833333,
      0.416667,
      0.166667,
      0.333333,
      0,
      0.25,
      0.0833333,
      0.416667,
      0.166667,
      0.333333,
      0,
      0.25,
      0.0833333,
      0.416667,
      0.166667
    ],
    "SoftwareVersions": "28\\LX\\MR Software release:RX28.0_R04_UHP3T_2035.a",
    "SpacingBetweenSlices": 3.4,
    "StationName": "CNIMRI",
    "TaskName": "MID",
    "TotalReadoutTime": 0.031464,
    "TriggerDelayTime": 883667,
    "dataset": "ds003858",
    "modality": "bold",
    "run_id": 8,
    "subject_id": "12",
    "task_id": "MID"
  },
  "dummy_trs": 8,
  "dvars_nstd": 15.012148567498578,
  "dvars_std": 1.1064131198806118,
  "dvars_vstd": 0.9860685686071632,
  "efc": 0.39808184047410794,
  "fber": 37121.109375,
  "fd_mean": 0.10607050456773898,
  "fd_num": 95,
  "fd_perc": 5.3977272727272725,
  "fwhm_avg": 2.6094378022618856,
  "fwhm_x": 2.8522528611729325,
  "fwhm_y": 2.4102911088637438,
  "fwhm_z": 2.565769436748982,
  "gcor": 0.0759825,
  "gsr_x": 0.00876613799482584,
  "gsr_y": 0.0015693299937993288,
  "provenance": {
    "md5sum": "c15095c984996d38ce7e8a49dce308fe",
    "settings": {
      "fd_thres": 0.2,
      "testing": false
    },
    "software": "mriqc",
    "version": "22.0.6",
    "webapi_port": null,
    "webapi_url": "https://mriqc.nimh.nih.gov/api/v1"
  },
  "size_t": 1760,
  "size_x": 70,
  "size_y": 70,
  "size_z": 41,
  "snr": 4.171932723020263,
  "spacing_tr": 0.5,
  "spacing_x": 3.4000000953674316,
  "spacing_y": 3.4000000953674316,
  "spacing_z": 3.4000015258789062,
  "summary_bg_k": 47.35432675390491,
  "summary_bg_mad": 7.277807499664244,
  "summary_bg_mean": 31.398391723632812,
  "summary_bg_median": 4.908806800842285,
  "summary_bg_n": 144422.0,
  "summary_bg_p05": 0.0,
  "summary_bg_p95": 159.51727218627857,
  "summary_bg_stdv": 78.5467529296875,
  "summary_fg_k": 0.23291175057787195,
  "summary_fg_mad": 193.14432088585733,
  "summary_fg_mean": 868.0134887695312,
  "summary_fg_median": 839.2289428710938,
  "summary_fg_n": 21669.0,
  "summary_fg_p05": 581.1247436523438,
  "summary_fg_p95": 1238.5992919921873,
  "summary_fg_stdv": 201.15606689453125,
  "tsnr": 56.83417393011041
}