{
  "aor": 0.0015652616609783847,
  "aqi": 0.001945309279294653,
  "bids_meta": {
    "AcquisitionMatrixPE": 70,
    "AcquisitionNumber": 1,
    "AcquisitionTime": "14:34:9.000000",
    "BodyPartExamined": "HEAD",
    "CoilString": "RM:Nova32ch2",
    "ConversionSoftware": "dcm2niix",
    "ConversionSoftwareVersion": "v1.0.20201102",
    "DeviceSerialNumber": "00000650723PSYMR",
    "EchoTime": 0.025,
    "EffectiveEchoSpacing": 0.000456,
    "FlipAngle": 42,
    "ImageOrientationPatientDICOM": [
      1,
      0,
      0,
      0,
      1,
      0
    ],
    "ImageType": [
      "ORIGINAL",
      "PRIMARY",
      "OTHER"
    ],
    "ImagingFrequency": 127.8,
    "InPlanePhaseEncodingDirectionDICOM": "COL",
    "InstitutionName": "cni",
    "InternalPulseSequenceName": "EPI",
    "MRAcquisitionType": "2D",
    "MagneticFieldStrength": 3,
    "Manufacturer": "GE",
    "ManufacturersModelName": "SIGNA UHP",
    "MultibandAccelerationFactor": 8,
    "PatientPosition": "HFS",
    "PercentPhaseFOV": 100,
    "PercentSampling": 100,
    "PhaseEncodingDirection": "j",
    "PhaseEncodingPolarityGE": "Flipped",
    "PixelBandwidth": 7142.86,
    "ProtocolName": "BOLD EPI multiband 8 3.4mm .5sec CUE",
    "PulseSequenceName": "epi",
    "ReconMatrixPE": 70,
    "RepetitionTime": 0.5,
    "SAR": 0.0785455,
    "ScanOptions": "EDR_GEMS\\MP_GEMS\\EPI_GEMS\\HYPERBAND_GEMS",
    "ScanningSequence": "EP\\RM",
    "SequenceVariant": "NONE",
    "SeriesDescription": "BOLD EPI multiband 8 3.4mm .5sec CUE",
    "SeriesNumber": 6,
    "SliceThickness": 3.4,
    "SliceTiming": [
      0,
      0.25,
      0.0833333,
      0.416667,
      0.166667,
      0.333333,
      0,
      0.25,
      0.0833333,
      0.416667,
      0.166667,
      0.333333,
      0,
      0.25,
      0.0833333,
      0.416667,
      0.166667,
      0.333333,
      0,
      0.25,
      0.0833333,
      0.416667,
      0.166667,
      0.333333,
      0,
      0.25,
      0.0833333,
      0.416667,
      0.166667,
      0.333333,
      0,
      0.25,
      0.0833333,
      0.416667,
      0.166667,
      0.333333,
      0,
      0.25,
      0.0833333,
      0.416667,
      0.166667
    ],
    "SoftwareVersions": "28\\LX\\MR Software release:RX28.0_R04_UHP3T_2035.a",
    "SpacingBetweenSlices": 3.4,
    "StationName": "CNIMRI",
    "TaskName": "MID",
    "TotalReadoutTime": 0.031464,
    "TriggerDelayTime": 883667,
    "dataset": "ds003858",
    "modality": "bold",
    "run_id": 8,
    "subject_id": "05",
    "task_id": "MID"
  },
  "dummy_trs": 10,
  "dvars_nstd": 15.92845265181563,
  "dvars_std": 1.186684868047807,
  "dvars_vstd": 1.0247592527717702,
  "efc": 0.42754098698209253,
  "fber": 25391.810546875,
  "fd_mean": 0.0860938426706229,
  "fd_num": 64,
  "fd_perc": 3.6405005688282137,
  "fwhm_avg": 2.68294075967207,
  "fwhm_x": 2.8634646255643332,
  "fwhm_y": 2.452244048863466,
  "fwhm_z": 2.7331136045884104,
  "gcor": 0.0733863,
  "gsr_x": 0.01293988712131977,
  "gsr_y": -0.0019092113943770528,
  "provenance": {
    "md5sum": "98493c8c9383b8fa6f10a6573476a366",
    "settings": {
      "fd_thres": 0.2,
      "testing": false
    },
    "software": "mriqc",
    "version": "22.0.6",
    "webapi_port": null,
    "webapi_url": "https://mriqc.nimh.nih.gov/api/v1"
  },
  "size_t": 1758,
  "size_x": 70,
  "size_y": 70,
  "size_z": 41,
  "snr": 3.793866701549794,
  "spacing_tr": 0.5,
  "spacing_x": 3.4000000953674316,
  "spacing_y": 3.4000000953674316,
  "spacing_z": 3.3999977111816406,
  "summary_bg_k": 19.38137683199046,
  "summary_bg_mad": 8.489120600056115,
  "summary_bg_mean": 40.41897201538086,
  "summary_bg_median": 5.72582483291626,
  "summary_bg_n": 139885.0,
  "summary_bg_p05": 0.0,
  "summary_bg_p95": 245.00863952636715,
  "summary_bg_stdv": 98.2467269897461,
  "summary_fg_k": 0.1162632433909514,
  "summary_fg_mad": 219.30875709535997,
  "summary_fg_mean": 870.5089111328125,
  "summary_fg_median": 842.9049682617188,
  "summary_fg_n": 24571.0,
  "summary_fg_p05": 555.2650756835938,
  "summary_fg_p95": 1274.1000366210938,
  "summary_fg_stdv": 222.17117309570312,
  "tsnr": 78.82640357711352
}