{
  "aor": 0.0012478863636363636,
  "aqi": 0.0023225561749999997,
  "bids_meta": {
    "AcquisitionMatrixPE": 70,
    "AcquisitionNumber": 1,
    "AcquisitionTime": "14:50:10.000000",
    "BodyPartExamined": "HEAD",
    "CoilString": "RM:Nova32ch2",
    "ConversionSoftware": "dcm2niix",
    "ConversionSoftwareVersion": "v1.0.20201102",
    "DeviceSerialNumber": "00000650723PSYMR",
    "EchoTime": 0.025,
    "EffectiveEchoSpacing": 0.000452,
    "FlipAngle": 77,
    "ImageOrientationPatientDICOM": [
      1,
      0,
      0,
      0,
      1,
      0
    ],
    "ImageType": [
      "ORIGINAL",
      "PRIMARY",
      "OTHER"
    ],
    "ImagingFrequency": 127.8,
    "InPlanePhaseEncodingDirectionDICOM": "COL",
    "InstitutionName": "cni",
    "InternalPulseSequenceName": "EPI",
    "MRAcquisitionType": "2D",
    "MagneticFieldStrength": 3,
    "Manufacturer": "GE",
    "ManufacturersModelName": "SIGNA UHP",
    "PatientPosition": "HFS",
    "PercentPhaseFOV": 100,
    "PercentSampling": 100,
    "PhaseEncodingDirection": "j",
    "PhaseEncodingPolarityGE": "Flipped",
    "PixelBandwidth": 7142.86,
    "ProtocolName": "BOLD EPI 3.4mm 2sec CUE",
    "PulseSequenceName": "epi",
    "ReconMatrixPE": 70,
    "RepetitionTime": 2,
    "SAR": 0.179361,
    "ScanOptions": "MP_GEMS\\EPI_GEMS\\ACC_GEMS",
    "ScanningSequence": "EP\\RM",
    "SequenceVariant": "NONE",
    "SeriesDescription": "BOLD EPI 3.4mm 2sec CUE",
    "SeriesNumber": 7,
    "SliceThickness": 3.4,
    "SliceTiming": [
      0,
      1.02439,
      0.0487805,
      1.07317,
      0.097561,
      1.12195,
      0.146341,
      1.17073,
      0.195122,
      1.21951,
      0.243902,
      1.26829,
      0.292683,
      1.31707,
      0.341463,
      1.36585,
      0.390244,
      1.41463,
      0.439024,
      1.46341,
      0.487805,
      1.5122,
      0.536585,
      1.56098,
      0.585366,
      1.60976,
      0.634146,
      1.65854,
      0.682927,
      1.70732,
      0.731707,
      1.7561,
      0.780488,
      1.80488,
      0.829268,
      1.85366,
      0.878049,
      1.90244,
      0.926829,
      1.95122,
      0.97561
    ],
    "SoftwareVersions": "28\\LX\\MR Software release:RX28.0_R04_UHP3T_2035.a",
    "SpacingBetweenSlices": 3.4,
    "StationName": "CNIMRI",
    "TaskName": "MID",
    "TotalReadoutTime": 0.031188,
    "TriggerDelayTime": 882976,
    "dataset": "ds003858",
    "modality": "bold",
    "run_id": 1,
    "subject_id": "05",
    "task_id": "MID"
  },
  "dummy_trs": 2,
  "dvars_nstd": 12.500797930068329,
  "dvars_std": 1.1699567826423687,
  "dvars_vstd": 0.9364826507061501,
  "efc": 0.42417641573056736,
  "fber": 103168.453125,
  "fd_mean": 0.11968815534462217,
  "fd_num": 48,
  "fd_perc": 10.909090909090908,
  "fwhm_avg": 2.8862388497252893,
  "fwhm_x": 3.1223822653607125,
  "fwhm_y": 2.561332281097741,
  "fwhm_z": 2.975002002717413,
  "gcor": 0.0979704,
  "gsr_x": 0.010380775667726994,
  "gsr_y": 0.002459537470713258,
  "provenance": {
    "md5sum": "80d4884b8f6838bf2cb1c8dbf0672090",
    "settings": {
      "fd_thres": 0.2,
      "testing": false
    },
    "software": "mriqc",
    "version": "22.0.6",
    "webapi_port": null,
    "webapi_url": "https://mriqc.nimh.nih.gov/api/v1"
  },
  "size_t": 440,
  "size_x": 70,
  "size_y": 70,
  "size_z": 41,
  "snr": 3.8383727570043362,
  "spacing_tr": 2.0,
  "spacing_x": 3.4000000953674316,
  "spacing_y": 3.4000000953674316,
  "spacing_z": 3.3999977111816406,
  "summary_bg_k": 19.16450317181344,
  "summary_bg_mad": 10.105281285527107,
  "summary_bg_mean": 96.67591094970703,
  "summary_bg_median": 6.8386359214782715,
  "summary_bg_n": 139855.0,
  "summary_bg_p05": 0.0,
  "summary_bg_p95": 639.0242919921867,
  "summary_bg_stdv": 255.44979858398438,
  "summary_fg_k": -0.11562889353238104,
  "summary_fg_mad": 550.4361625906947,
  "summary_fg_mean": 2090.70361328125,
  "summary_fg_median": 2052.173828125,
  "summary_fg_n": 24652.0,
  "summary_fg_p05": 1291.3041381835938,
  "summary_fg_p95": 3021.521350097655,
  "summary_fg_stdv": 534.635986328125,
  "tsnr": 87.81087291892618
}