{
  "aor": 0.0017032025028441411,
  "aqi": 0.0027060884505119456,
  "bids_meta": {
    "AcquisitionMatrixPE": 70,
    "AcquisitionNumber": 4,
    "AcquisitionTime": "14:17:58.000000",
    "BodyPartExamined": "HEAD",
    "CoilString": "RM:Nova32ch2",
    "ConversionSoftware": "dcm2niix",
    "ConversionSoftwareVersion": "v1.0.20201102",
    "DeviceSerialNumber": "00000650723PSYMR",
    "EchoTime": 0.025,
    "EffectiveEchoSpacing": 0.000448,
    "FlipAngle": 42,
    "ImageOrientationPatientDICOM": [
      1,
      0,
      0,
      0,
      1,
      0
    ],
    "ImageType": [
      "ORIGINAL",
      "PRIMARY",
      "OTHER"
    ],
    "ImagingFrequency": 127.8,
    "InPlanePhaseEncodingDirectionDICOM": "COL",
    "InstitutionName": "cni",
    "InternalPulseSequenceName": "EPI",
    "MRAcquisitionType": "2D",
    "MagneticFieldStrength": 3,
    "Manufacturer": "GE",
    "ManufacturersModelName": "SIGNA UHP",
    "MultibandAccelerationFactor": 4,
    "PatientPosition": "HFS",
    "PercentPhaseFOV": 100,
    "PercentSampling": 100,
    "PhaseEncodingDirection": "j",
    "PhaseEncodingPolarityGE": "Flipped",
    "PixelBandwidth": 7142.86,
    "ProtocolName": "BOLD EPI multiband 4 3.4mm 1sec CUE",
    "PulseSequenceName": "epi",
    "ReconMatrixPE": 70,
    "RepetitionTime": 0.5,
    "SAR": 0.103984,
    "ScanOptions": "EDR_GEMS\\MP_GEMS\\EPI_GEMS\\HYPERBAND_GEMS",
    "ScanningSequence": "EP\\RM",
    "SequenceVariant": "NONE",
    "SeriesDescription": "BOLD EPI multiband 4 3.4mm 1sec CUE",
    "SeriesNumber": 5,
    "SliceThickness": 3.4,
    "SliceTiming": [
      0,
      0.25,
      0.0625,
      0.3125,
      0.125,
      0.4375,
      0.1875,
      0.375,
      0,
      0.25,
      0.0625,
      0.3125,
      0.125,
      0.4375,
      0.1875,
      0.375,
      0,
      0.25,
      0.0625,
      0.3125,
      0.125,
      0.4375,
      0.1875,
      0.375,
      0,
      0.25,
      0.0625,
      0.3125,
      0.125,
      0.4375,
      0.1875,
      0.375
    ],
    "SoftwareVersions": "28\\LX\\MR Software release:RX28.0_R04_UHP3T_2035.a",
    "SpacingBetweenSlices": 3.4,
    "StationName": "CNIMRI",
    "TaskName": "MID",
    "TotalReadoutTime": 0.030912,
    "TriggerDelayTime": 883875,
    "dataset": "ds003858",
    "modality": "bold",
    "run_id": 4,
    "subject_id": "05",
    "task_id": "MID"
  },
  "dummy_trs": 10,
  "dvars_nstd": 14.974880639652843,
  "dvars_std": 1.1422272242914044,
  "dvars_vstd": 1.0073950863915773,
  "efc": 0.4481852740935805,
  "fber": 103993.3984375,
  "fd_mean": 0.13113489573584317,
  "fd_num": 327,
  "fd_perc": 18.600682593856654,
  "fwhm_avg": 2.676377024581051,
  "fwhm_x": 2.9014058009707,
  "fwhm_y": 2.4364734610705248,
  "fwhm_z": 2.691251811701928,
  "gcor": 0.125827,
  "gsr_x": 0.01158062368631363,
  "gsr_y": 0.004072132054716349,
  "provenance": {
    "md5sum": "b7f88624bc91818ac20216ad1917c1cc",
    "settings": {
      "fd_thres": 0.2,
      "testing": false
    },
    "software": "mriqc",
    "version": "22.0.6",
    "webapi_port": null,
    "webapi_url": "https://mriqc.nimh.nih.gov/api/v1"
  },
  "size_t": 1758,
  "size_x": 70,
  "size_y": 70,
  "size_z": 32,
  "snr": 3.7786293155734945,
  "spacing_tr": 0.5,
  "spacing_x": 3.4000000953674316,
  "spacing_y": 3.4000000953674316,
  "spacing_z": 3.3999977111816406,
  "summary_bg_k": 20.61008355920485,
  "summary_bg_mad": 3.9291487585705416,
  "summary_bg_mean": 37.93708801269531,
  "summary_bg_median": 2.6501705646514893,
  "summary_bg_n": 101835.0,
  "summary_bg_p05": 0.0,
  "summary_bg_p95": 258.76193237304585,
  "summary_bg_stdv": 102.66931915283203,
  "summary_fg_k": -0.058665795964983225,
  "summary_fg_mad": 219.85351206089973,
  "summary_fg_mean": 848.9207763671875,
  "summary_fg_median": 824.1091918945312,
  "summary_fg_n": 23389.0,
  "summary_fg_p05": 535.2988525390625,
  "summary_fg_p95": 1242.7512939453125,
  "summary_fg_stdv": 218.0927276611328,
  "tsnr": 66.18699600500986
}