{
  "aor": 0.0008040978941377348,
  "aqi": 0.003349539715424018,
  "bids_meta": {
    "AcquisitionMatrixPE": 70,
    "AcquisitionNumber": 4,
    "AcquisitionTime": "14:17:58.000000",
    "BodyPartExamined": "HEAD",
    "CoilString": "RM:Nova32ch2",
    "ConversionSoftware": "dcm2niix",
    "ConversionSoftwareVersion": "v1.0.20201102",
    "DeviceSerialNumber": "00000650723PSYMR",
    "EchoTime": 0.025,
    "EffectiveEchoSpacing": 0.000448,
    "FlipAngle": 42,
    "ImageOrientationPatientDICOM": [
      1,
      0,
      0,
      0,
      1,
      0
    ],
    "ImageType": [
      "ORIGINAL",
      "PRIMARY",
      "OTHER"
    ],
    "ImagingFrequency": 127.8,
    "InPlanePhaseEncodingDirectionDICOM": "COL",
    "InstitutionName": "cni",
    "InternalPulseSequenceName": "EPI",
    "MRAcquisitionType": "2D",
    "MagneticFieldStrength": 3,
    "Manufacturer": "GE",
    "ManufacturersModelName": "SIGNA UHP",
    "MultibandAccelerationFactor": 4,
    "PatientPosition": "HFS",
    "PercentPhaseFOV": 100,
    "PercentSampling": 100,
    "PhaseEncodingDirection": "j",
    "PhaseEncodingPolarityGE": "Flipped",
    "PixelBandwidth": 7142.86,
    "ProtocolName": "BOLD EPI multiband 4 3.4mm 1sec CUE",
    "PulseSequenceName": "epi",
    "ReconMatrixPE": 70,
    "RepetitionTime": 0.5,
    "SAR": 0.103984,
    "ScanOptions": "EDR_GEMS\\MP_GEMS\\EPI_GEMS\\HYPERBAND_GEMS",
    "ScanningSequence": "EP\\RM",
    "SequenceVariant": "NONE",
    "SeriesDescription": "BOLD EPI multiband 4 3.4mm 1sec CUE",
    "SeriesNumber": 5,
    "SliceThickness": 3.4,
    "SliceTiming": [
      0,
      0.25,
      0.0625,
      0.3125,
      0.125,
      0.4375,
      0.1875,
      0.375,
      0,
      0.25,
      0.0625,
      0.3125,
      0.125,
      0.4375,
      0.1875,
      0.375,
      0,
      0.25,
      0.0625,
      0.3125,
      0.125,
      0.4375,
      0.1875,
      0.375,
      0,
      0.25,
      0.0625,
      0.3125,
      0.125,
      0.4375,
      0.1875,
      0.375
    ],
    "SoftwareVersions": "28\\LX\\MR Software release:RX28.0_R04_UHP3T_2035.a",
    "SpacingBetweenSlices": 3.4,
    "StationName": "CNIMRI",
    "TaskName": "MID",
    "TotalReadoutTime": 0.030912,
    "TriggerDelayTime": 883875,
    "dataset": "ds003858",
    "modality": "bold",
    "run_id": 4,
    "subject_id": "03",
    "task_id": "MID"
  },
  "dummy_trs": 11,
  "dvars_nstd": 14.889933355888394,
  "dvars_std": 1.144781294965831,
  "dvars_vstd": 0.9719975498974917,
  "efc": 0.48883504056470184,
  "fber": 51860.13671875,
  "fd_mean": 0.08257756646733161,
  "fd_num": 28,
  "fd_perc": 1.593625498007968,
  "fwhm_avg": 2.890884790827697,
  "fwhm_x": 3.3040293190891794,
  "fwhm_y": 2.3581852279723328,
  "fwhm_z": 3.01043982542158,
  "gcor": 0.0411085,
  "gsr_x": 0.02486676163971424,
  "gsr_y": 0.020615139976143837,
  "provenance": {
    "md5sum": "f9ee25ff43fba38324c9daa32affd256",
    "settings": {
      "fd_thres": 0.2,
      "testing": false
    },
    "software": "mriqc",
    "version": "22.0.6",
    "webapi_port": null,
    "webapi_url": "https://mriqc.nimh.nih.gov/api/v1"
  },
  "size_t": 1757,
  "size_x": 70,
  "size_y": 70,
  "size_z": 32,
  "snr": 3.4050683353054465,
  "spacing_tr": 0.5,
  "spacing_x": 3.4000000953674316,
  "spacing_y": 3.4000000953674316,
  "spacing_z": 3.4000015258789062,
  "summary_bg_k": 33.00676910476476,
  "summary_bg_mad": 5.513980656969231,
  "summary_bg_mean": 40.94198226928711,
  "summary_bg_median": 3.7196927070617676,
  "summary_bg_n": 93652.0,
  "summary_bg_p05": 0.0,
  "summary_bg_p95": 235.52495422363282,
  "summary_bg_stdv": 110.30155181884766,
  "summary_fg_k": 0.5030947093865392,
  "summary_fg_mad": 239.5335091178887,
  "summary_fg_mean": 892.874755859375,
  "summary_fg_median": 852.4786376953125,
  "summary_fg_n": 29268.0,
  "summary_fg_p05": 558.332241821289,
  "summary_fg_p95": 1357.938262939453,
  "summary_fg_stdv": 250.35153198242188,
  "tsnr": 74.04213605681434
}