{
  "aor": 0.0011845961319681456,
  "aqi": 0.0037090279465301483,
  "bids_meta": {
    "AcquisitionMatrixPE": 70,
    "AcquisitionNumber": 1,
    "AcquisitionTime": "14:34:9.000000",
    "BodyPartExamined": "HEAD",
    "CoilString": "RM:Nova32ch2",
    "ConversionSoftware": "dcm2niix",
    "ConversionSoftwareVersion": "v1.0.20201102",
    "DeviceSerialNumber": "00000650723PSYMR",
    "EchoTime": 0.025,
    "EffectiveEchoSpacing": 0.000456,
    "FlipAngle": 42,
    "ImageOrientationPatientDICOM": [
      1,
      0,
      0,
      0,
      1,
      0
    ],
    "ImageType": [
      "ORIGINAL",
      "PRIMARY",
      "OTHER"
    ],
    "ImagingFrequency": 127.8,
    "InPlanePhaseEncodingDirectionDICOM": "COL",
    "InstitutionName": "cni",
    "InternalPulseSequenceName": "EPI",
    "MRAcquisitionType": "2D",
    "MagneticFieldStrength": 3,
    "Manufacturer": "GE",
    "ManufacturersModelName": "SIGNA UHP",
    "MultibandAccelerationFactor": 8,
    "PatientPosition": "HFS",
    "PercentPhaseFOV": 100,
    "PercentSampling": 100,
    "PhaseEncodingDirection": "j",
    "PhaseEncodingPolarityGE": "Flipped",
    "PixelBandwidth": 7142.86,
    "ProtocolName": "BOLD EPI multiband 8 3.4mm .5sec CUE",
    "PulseSequenceName": "epi",
    "ReconMatrixPE": 70,
    "RepetitionTime": 0.5,
    "SAR": 0.0785455,
    "ScanOptions": "EDR_GEMS\\MP_GEMS\\EPI_GEMS\\HYPERBAND_GEMS",
    "ScanningSequence": "EP\\RM",
    "SequenceVariant": "NONE",
    "SeriesDescription": "BOLD EPI multiband 8 3.4mm .5sec CUE",
    "SeriesNumber": 6,
    "SliceThickness": 3.4,
    "SliceTiming": [
      0,
      0.25,
      0.0833333,
      0.416667,
      0.166667,
      0.333333,
      0,
      0.25,
      0.0833333,
      0.416667,
      0.166667,
      0.333333,
      0,
      0.25,
      0.0833333,
      0.416667,
      0.166667,
      0.333333,
      0,
      0.25,
      0.0833333,
      0.416667,
      0.166667,
      0.333333,
      0,
      0.25,
      0.0833333,
      0.416667,
      0.166667,
      0.333333,
      0,
      0.25,
      0.0833333,
      0.416667,
      0.166667,
      0.333333,
      0,
      0.25,
      0.0833333,
      0.416667,
      0.166667
    ],
    "SoftwareVersions": "28\\LX\\MR Software release:RX28.0_R04_UHP3T_2035.a",
    "SpacingBetweenSlices": 3.4,
    "StationName": "CNIMRI",
    "TaskName": "MID",
    "TotalReadoutTime": 0.031464,
    "TriggerDelayTime": 883667,
    "dataset": "ds003858",
    "modality": "bold",
    "run_id": 8,
    "subject_id": "03",
    "task_id": "MID"
  },
  "dummy_trs": 10,
  "dvars_nstd": 15.743091378525904,
  "dvars_std": 1.0786443554809346,
  "dvars_vstd": 0.9503901892373362,
  "efc": 0.46284750628906524,
  "fber": 13554.9853515625,
  "fd_mean": 0.07497916205147255,
  "fd_num": 20,
  "fd_perc": 1.1376564277588168,
  "fwhm_avg": 3.0043494838298415,
  "fwhm_x": 3.4147057865730233,
  "fwhm_y": 2.5187558117037434,
  "fwhm_z": 3.0795868532127586,
  "gcor": 0.0444382,
  "gsr_x": 0.02551167644560337,
  "gsr_y": 0.014788351953029633,
  "provenance": {
    "md5sum": "9a42160fec347518213eb8b96827dc82",
    "settings": {
      "fd_thres": 0.2,
      "testing": false
    },
    "software": "mriqc",
    "version": "22.0.6",
    "webapi_port": null,
    "webapi_url": "https://mriqc.nimh.nih.gov/api/v1"
  },
  "size_t": 1758,
  "size_x": 70,
  "size_y": 70,
  "size_z": 41,
  "snr": 3.2314612953779895,
  "spacing_tr": 0.5,
  "spacing_x": 3.4000000953674316,
  "spacing_y": 3.4000000953674316,
  "spacing_z": 3.4000015258789062,
  "summary_bg_k": 36.03711020196864,
  "summary_bg_mad": 11.473299656776938,
  "summary_bg_mean": 44.47897720336914,
  "summary_bg_median": 7.740329742431641,
  "summary_bg_n": 130294.0,
  "summary_bg_p05": 0.0,
  "summary_bg_p95": 229.0281211853024,
  "summary_bg_stdv": 104.79097747802734,
  "summary_fg_k": 0.7096810261356814,
  "summary_fg_mad": 259.1956342304103,
  "summary_fg_mean": 924.2588500976562,
  "summary_fg_median": 879.14697265625,
  "summary_fg_n": 30828.0,
  "summary_fg_p05": 560.9279266357422,
  "summary_fg_p95": 1431.3017089843745,
  "summary_fg_stdv": 272.0542297363281,
  "tsnr": 59.80500411987305
}